{
    "Modality": "MR",
    "MagneticFieldStrength": 3,
    "ImagingFrequency": 123.225353,
    "Manufacturer": "Siemens",
    "ManufacturersModelName": "TrioTim",
    "InstitutionName": "Barnes-Jewish Hosp smra",
    "InstitutionAddress": "South Euclid Street 499,St Louis ,District,US,63110",
    "DeviceSerialNumber": "35064",
    "StationName": "smra",
    "PatientPosition": "HFS",
    "ProcedureStepDescription": "70552 MRI Brain with contrast",
    "SoftwareVersions": "syngo MR B15",
    "MRAcquisitionType": "2D",
    "SeriesDescription": "TRA T2 BLADE",
    "ProtocolName": "TRA T2 BLADE",
    "ScanningSequence": "SE",
    "SequenceVariant": "SK\\SP",
    "SequenceName": "*tseB2d1_18",
    "ImageType": [
        "ORIGINAL",
        "PRIMARY",
        "M",
        "ND",
        "NORM"
    ],
    "NonlinearGradientCorrection": false,
    "SeriesNumber": 66,
    "AcquisitionTime": "11:51:14.492500",
    "AcquisitionNumber": 1,
    "ImageComments": "HEAD FUNCTIONAL JB",
    "SliceThickness": 5,
    "SpacingBetweenSlices": 6,
    "SAR": 0.647199,
    "EchoTime": 0.089,
    "RepetitionTime": 5,
    "SpoilingState": true,
    "FlipAngle": 93,
    "PartialFourier": 1,
    "BaseResolution": 320,
    "ShimSetting": [
        1475,
        -25540,
        -6397,
        -229,
        91,
        -103,
        -7,
        26
    ],
    "TxRefAmp": 455.523,
    "PhaseResolution": 0.0875,
    "ReceiveCoilName": "HeadMatrix",
    "CoilString": "d:HEA;HEP",
    "PulseSequenceDetails": "%SiemensSeq%\\tse",
    "RefLinesPE": 8,
    "CoilCombinationMethod": "Adaptive Combine",
    "MatrixCoilMode": "GRAPPA",
    "PercentPhaseFOV": 100,
    "PercentSampling": 100,
    "EchoTrainLength": 18,
    "PhaseEncodingSteps": 320,
    "AcquisitionMatrixPE": 320,
    "ReconMatrixPE": 320,
    "ParallelReductionFactorInPlane": 2,
    "PixelBandwidth": 220,
    "DwellTime": 7.1e-06,
    "PhaseEncodingDirection": "i",
    "SliceTiming": [
        2.50781,
        0,
        2.67188,
        0.16406,
        2.84375,
        0.32812,
        3.00781,
        0.5,
        3.17188,
        0.66406,
        3.34375,
        0.83594,
        3.50781,
        1,
        3.67969,
        1.17188,
        3.84375,
        1.33594,
        4.01562,
        1.5,
        4.17969,
        1.67188,
        4.35156,
        1.83594,
        4.51562,
        2.00781,
        4.67969,
        2.17188,
        4.85156,
        2.34375
    ],
    "ImageOrientationPatientDICOM": [
        0.998027,
        -0.0621486,
        0.00895575,
        0.0627905,
        0.987823,
        -0.142347
    ],
    "ImageOrientationText": "Tra>Cor(-8.2)",
    "InPlanePhaseEncodingDirectionDICOM": "ROW",
    "ConversionSoftware": "dcm2niix",
    "ConversionSoftwareVersion": "v1.0.20230411",
    "Dcm2bidsVersion": "3.1.1"
}