{
    "Modality": "MR",
    "MagneticFieldStrength": 3,
    "ImagingFrequency": 123.22546,
    "Manufacturer": "Siemens",
    "ManufacturersModelName": "TrioTim",
    "InstitutionName": "Barnes-Jewish Hosp smra",
    "InstitutionAddress": "South Euclid Street 499,St Louis ,District,US,63110",
    "DeviceSerialNumber": "35064",
    "StationName": "smra",
    "PatientPosition": "HFS",
    "ProcedureStepDescription": "70553 MRI Brain wo&with contrast",
    "SoftwareVersions": "syngo MR B15",
    "MRAcquisitionType": "3D",
    "SeriesDescription": "SAG T1 MPR",
    "ProtocolName": "SAG T1 MPR",
    "ScanningSequence": "GR\\IR",
    "SequenceVariant": "SP\\MP\\OSP",
    "ScanOptions": "IR",
    "SequenceName": "*tfl3d1_ns",
    "ImageType": [
        "ORIGINAL",
        "PRIMARY",
        "M",
        "ND",
        "NORM"
    ],
    "NonlinearGradientCorrection": false,
    "SeriesNumber": 2,
    "AcquisitionTime": "15:12:57.172500",
    "AcquisitionNumber": 1,
    "ImageComments": "33862994 CLH",
    "SliceThickness": 1.2,
    "SAR": 0.0883219,
    "EchoTime": 0.00251,
    "RepetitionTime": 1.9,
    "InversionTime": 0.9,
    "FlipAngle": 9,
    "PartialFourier": 1,
    "BaseResolution": 256,
    "ShimSetting": [
        1475,
        -25540,
        -6397,
        -229,
        91,
        -103,
        -7,
        26
    ],
    "TxRefAmp": 290.073,
    "PhaseResolution": 0.96,
    "ReceiveCoilName": "HeadMatrix",
    "CoilString": "d:HEA;HEP",
    "PulseSequenceDetails": "%SiemensSeq%\\tfl",
    "RefLinesPE": 24,
    "CoilCombinationMethod": "Adaptive Combine",
    "MatrixCoilMode": "GRAPPA",
    "PercentPhaseFOV": 100,
    "PercentSampling": 96,
    "PhaseEncodingSteps": 246,
    "AcquisitionMatrixPE": 246,
    "ReconMatrixPE": 256,
    "ParallelReductionFactorInPlane": 2,
    "PixelBandwidth": 170,
    "DwellTime": 1.15e-05,
    "ImageOrientationPatientDICOM": [
        0,
        1,
        0,
        0,
        0,
        -1
    ],
    "ImageOrientationText": "Sag",
    "InPlanePhaseEncodingDirectionDICOM": "ROW",
    "ConversionSoftware": "dcm2niix",
    "ConversionSoftwareVersion": "v1.0.20230411",
    "Dcm2bidsVersion": "3.1.1"
}