{
    "Modality": "MR",
    "MagneticFieldStrength": 3,
    "ImagingFrequency": 123.186494,
    "Manufacturer": "Siemens",
    "ManufacturersModelName": "Skyra",
    "DeviceSerialNumber": "45369",
    "BodyPartExamined": "BRAIN",
    "PatientPosition": "HFS",
    "SoftwareVersions": "syngo MR D13",
    "MRAcquisitionType": "2D",
    "SeriesDescription": "TRA T2 TSE STEALTH",
    "ProtocolName": "TRA T2 TSE STEALTH",
    "ScanningSequence": "SE",
    "SequenceVariant": "SK\\SP\\OSP",
    "SequenceName": "*tse2d1_12",
    "ImageType": [
        "ORIGINAL",
        "PRIMARY",
        "M",
        "ND",
        "NORM"
    ],
    "NonlinearGradientCorrection": false,
    "SeriesNumber": 37,
    "AcquisitionTime": "09:43:32.877500",
    "AcquisitionNumber": 1,
    "SliceThickness": 2,
    "SpacingBetweenSlices": 2,
    "SAR": 0.616745,
    "NumberOfAverages": 2,
    "EchoTime": 0.095,
    "RepetitionTime": 7.81,
    "SpoilingState": true,
    "FlipAngle": 148,
    "PartialFourier": 0.046875,
    "PercentPhaseFOV": 100,
    "PercentSampling": 100,
    "EchoTrainLength": 12,
    "PhaseEncodingSteps": 264,
    "AcquisitionMatrixPE": 256,
    "ReconMatrixPE": 256,
    "PixelBandwidth": 130,
    "PhaseEncodingAxis": "j",
    "SliceTiming": [
        139.625,
        0,
        139.797,
        0.17188,
        139.969,
        0.34375,
        140.148,
        0.51562,
        140.32,
        0.6875,
        140.492,
        0.86719,
        140.664,
        1.03906,
        140.844,
        1.21094,
        141.016,
        1.38281,
        141.188,
        1.55469,
        141.359,
        1.73438,
        141.531,
        1.90625,
        141.711,
        2.07812,
        141.883,
        2.25,
        142.055,
        2.42188,
        142.227,
        2.60156,
        142.406,
        2.77344,
        142.578,
        2.94531,
        142.75,
        3.11719,
        142.922,
        3.29688,
        143.094,
        3.46875,
        143.273,
        3.64062,
        143.445,
        3.8125,
        143.617,
        3.98438,
        143.789,
        4.16406,
        143.969,
        4.33594,
        144.141,
        4.50781,
        144.312,
        4.67969,
        144.484,
        4.85156,
        144.656,
        5.03125,
        144.836,
        5.20312,
        145.008,
        5.375,
        145.18,
        5.54688,
        145.352,
        5.71875,
        145.531,
        5.89844,
        145.703,
        6.07031,
        145.875,
        6.24219,
        146.047,
        6.41406,
        146.219,
        6.59375,
        146.398,
        6.76562,
        146.57,
        6.9375,
        146.742,
        7.10938,
        146.914,
        7.28125,
        147.094,
        7.46094,
        147.266,
        7.63281
    ],
    "ImageOrientationPatientDICOM": [
        1,
        0,
        0,
        0,
        1,
        0
    ],
    "InPlanePhaseEncodingDirectionDICOM": "COL",
    "ConversionSoftware": "dcm2niix",
    "ConversionSoftwareVersion": "v1.0.20230411",
    "Dcm2bidsVersion": "3.1.1"
}