{
    "Modality": "MR",
    "MagneticFieldStrength": 3,
    "ImagingFrequency": 123.186472,
    "Manufacturer": "Siemens",
    "ManufacturersModelName": "Skyra",
    "DeviceSerialNumber": "45369",
    "BodyPartExamined": "BRAIN",
    "PatientPosition": "HFS",
    "SoftwareVersions": "syngo MR D13",
    "MRAcquisitionType": "3D",
    "SeriesDescription": "SAG T1 MPRAGE",
    "ProtocolName": "SAG T1 MPRAGE",
    "ScanningSequence": "GR\\IR",
    "SequenceVariant": "SK\\SP\\MP\\OSP",
    "ScanOptions": "IR",
    "SequenceName": "*tfl3d1_16",
    "ImageType": [
        "ORIGINAL",
        "PRIMARY",
        "M",
        "ND",
        "NORM"
    ],
    "NonlinearGradientCorrection": false,
    "SeriesNumber": 2,
    "AcquisitionTime": "15:06:44.702500",
    "AcquisitionNumber": 1,
    "SliceThickness": 1,
    "SAR": 0.102542,
    "EchoTime": 0.00239,
    "RepetitionTime": 1.7,
    "SpoilingState": true,
    "InversionTime": 0.9,
    "FlipAngle": 9,
    "PercentPhaseFOV": 100,
    "PercentSampling": 70,
    "PhaseEncodingSteps": 242,
    "AcquisitionMatrixPE": 202,
    "ReconMatrixPE": 288,
    "PixelBandwidth": 220,
    "ImageOrientationPatientDICOM": [
        0,
        1,
        0,
        0,
        0,
        -1
    ],
    "InPlanePhaseEncodingDirectionDICOM": "ROW",
    "ConversionSoftware": "dcm2niix",
    "ConversionSoftwareVersion": "v1.0.20230411",
    "Dcm2bidsVersion": "3.1.1"
}