{"Modality":"MR","MagneticFieldStrength":3,"ImagingFrequency":123.225841,"Manufacturer":"Siemens","ManufacturersModelName":"TrioTim","DeviceSerialNumber":"35064","BodyPartExamined":"HEAD","PatientPosition":"HFS","SoftwareVersions":"syngo MR B17","MRAcquisitionType":"2D","SeriesDescription":"act_TRA fMRI LANGUAGE","ProtocolName":"act_TRA fMRI LANGUAGE","ScanningSequence":"EP","SequenceVariant":"SK","ScanOptions":"FS","SequenceName":"*epfid2d1_64","ImageType":["ORIGINAL","PRIMARY","FMRI","NONE","ND","MOSAIC"],"NonlinearGradientCorrection":false,"SeriesNumber":13,"AcquisitionTime":"10:42:22.307500","AcquisitionNumber":1,"SliceThickness":4,"SpacingBetweenSlices":4,"SAR":0.225841,"EchoTime":0.027,"RepetitionTime":2.2,"FlipAngle":90,"PercentPhaseFOV":100,"PercentSampling":100,"PhaseEncodingSteps":64,"AcquisitionMatrixPE":64,"ReconMatrixPE":64,"PixelBandwidth":1905,"PhaseEncodingAxis":"j","ImageOrientationPatientDICOM":[1,0,0,0,1,0],"InPlanePhaseEncodingDirectionDICOM":"COL","ConversionSoftware":"dcm2niix","ConversionSoftwareVersion":"v1.0.20230411","Dcm2bidsVersion":"3.1.1","TaskName":"language"}