{
    "Modality": "MR",
    "MagneticFieldStrength": 3,
    "ImagingFrequency": 123.225491,
    "Manufacturer": "Siemens",
    "ManufacturersModelName": "TrioTim",
    "InstitutionName": "Barnes-Jewish Hosp smra",
    "InstitutionAddress": "South Euclid Street 499,St Louis ,District,US,63110",
    "DeviceSerialNumber": "35064",
    "StationName": "smra",
    "PatientPosition": "HFS",
    "ProcedureStepDescription": "70553 MRI Brain wo&with contrast",
    "SoftwareVersions": "syngo MR B15",
    "MRAcquisitionType": "2D",
    "SeriesDescription": "TRA T2 BLADE",
    "ProtocolName": "TRA T2 BLADE",
    "ScanningSequence": "SE",
    "SequenceVariant": "SK\\SP",
    "SequenceName": "*tseB2d1_18",
    "ImageType": [
        "ORIGINAL",
        "PRIMARY",
        "M",
        "ND",
        "NORM"
    ],
    "NonlinearGradientCorrection": false,
    "SeriesNumber": 46,
    "AcquisitionTime": "16:15:6.985000",
    "AcquisitionNumber": 1,
    "ImageComments": "33862994 CLH",
    "SliceThickness": 5,
    "SpacingBetweenSlices": 6,
    "SAR": 0.617741,
    "EchoTime": 0.089,
    "RepetitionTime": 5,
    "SpoilingState": true,
    "FlipAngle": 120,
    "PartialFourier": 1,
    "BaseResolution": 320,
    "ShimSetting": [
        1475,
        -25540,
        -6397,
        -229,
        91,
        -103,
        -7,
        26
    ],
    "TxRefAmp": 291.761,
    "PhaseResolution": 0.0875,
    "ReceiveCoilName": "HeadMatrix",
    "CoilString": "d:HEA;HEP",
    "PulseSequenceDetails": "%SiemensSeq%\\tse",
    "RefLinesPE": 8,
    "CoilCombinationMethod": "Adaptive Combine",
    "MatrixCoilMode": "GRAPPA",
    "PercentPhaseFOV": 100,
    "PercentSampling": 100,
    "EchoTrainLength": 18,
    "PhaseEncodingSteps": 320,
    "AcquisitionMatrixPE": 320,
    "ReconMatrixPE": 320,
    "ParallelReductionFactorInPlane": 2,
    "PixelBandwidth": 220,
    "DwellTime": 7.1e-06,
    "PhaseEncodingDirection": "i",
    "SliceTiming": [
        2.51562,
        0,
        2.71875,
        0.20312,
        2.90625,
        0.39062,
        3.09375,
        0.59375,
        3.28125,
        0.78125,
        3.48438,
        0.96875,
        3.67188,
        1.17188,
        3.875,
        1.35938,
        4.0625,
        1.54688,
        4.25,
        1.75,
        4.45312,
        1.9375,
        4.64062,
        2.125,
        4.82812,
        2.32812
    ],
    "ImageOrientationPatientDICOM": [
        1,
        -2.05103e-10,
        0,
        2.05103e-10,
        1,
        0
    ],
    "ImageOrientationText": "Tra",
    "InPlanePhaseEncodingDirectionDICOM": "ROW",
    "ConversionSoftware": "dcm2niix",
    "ConversionSoftwareVersion": "v1.0.20230411",
    "Dcm2bidsVersion": "3.1.1"
}