{"Modality":"MR","MagneticFieldStrength":3,"ImagingFrequency":123.186357,"Manufacturer":"Siemens","ManufacturersModelName":"Skyra","DeviceSerialNumber":"45369","BodyPartExamined":"NEURO","PatientPosition":"HFS","SoftwareVersions":"syngo MR D13","MRAcquisitionType":"2D","SeriesDescription":"TRA fMRI MOTOR START STOP FINGER TAP","ProtocolName":"TRA fMRI MOTOR START STOP FINGER TAP","ScanningSequence":"EP","SequenceVariant":"SK","ScanOptions":"FS","SequenceName":"*epfid2d1_94","ImageType":["ORIGINAL","PRIMARY","FMRI","NONE","ND","MOSAIC"],"NonlinearGradientCorrection":false,"SeriesNumber":6,"AcquisitionTime":"14:13:59.237500","AcquisitionNumber":1,"SliceThickness":4,"SpacingBetweenSlices":4,"SAR":0.107166,"EchoTime":0.027,"RepetitionTime":3,"FlipAngle":90,"PartialFourier":0.5,"PercentPhaseFOV":100,"PercentSampling":100,"EchoTrainLength":47,"PhaseEncodingSteps":94,"AcquisitionMatrixPE":94,"ReconMatrixPE":94,"PixelBandwidth":1775,"PhaseEncodingAxis":"j","ImageOrientationPatientDICOM":[0.997239,0.0469719,-0.0575078,-0.0522631,0.994175,-0.0942579],"InPlanePhaseEncodingDirectionDICOM":"COL","BidsGuess":["func","_acq-epfid2_dir-AP_run-6_bold"],"ConversionSoftware":"dcm2niix","ConversionSoftwareVersion":"v1.0.20240202","Dcm2bidsVersion":"3.1.1","TaskName":"motor"}