{"Modality":"MR","MagneticFieldStrength":3,"ImagingFrequency":123.186378,"Manufacturer":"Siemens","ManufacturersModelName":"Skyra","DeviceSerialNumber":"45369","BodyPartExamined":"NEURO","PatientPosition":"HFS","SoftwareVersions":"syngo MR D13","MRAcquisitionType":"2D","SeriesDescription":"TRA fMRI RESTING STATE","ProtocolName":"TRA fMRI RESTING STATE","ScanningSequence":"EP","SequenceVariant":"SK","ScanOptions":"FS","SequenceName":"*epfid2d1_64","ImageType":["ORIGINAL","PRIMARY","M","ND","MOSAIC"],"NonlinearGradientCorrection":false,"SeriesNumber":14,"AcquisitionTime":"14:25:42.137500","AcquisitionNumber":2,"SliceThickness":4,"SpacingBetweenSlices":4,"SAR":0.164539,"EchoTime":0.027,"RepetitionTime":2.38,"FlipAngle":90,"PartialFourier":0.484375,"PercentPhaseFOV":100,"PercentSampling":100,"EchoTrainLength":31,"PhaseEncodingSteps":63,"AcquisitionMatrixPE":64,"ReconMatrixPE":64,"PixelBandwidth":1775,"PhaseEncodingAxis":"j","ImageOrientationPatientDICOM":[0.996956,0.048828,-0.0607759,-0.0522483,0.997062,-0.0560213],"InPlanePhaseEncodingDirectionDICOM":"COL","ConversionSoftware":"dcm2niix","ConversionSoftwareVersion":"v1.0.20240202","Dcm2bidsVersion":"3.1.1","TaskName":"rest"}