{
    "Modality": "MR",
    "MagneticFieldStrength": 3,
    "ImagingFrequency": 123.225592,
    "Manufacturer": "Siemens",
    "ManufacturersModelName": "TrioTim",
    "DeviceSerialNumber": "35064",
    "BodyPartExamined": "HEAD",
    "PatientPosition": "HFS",
    "SoftwareVersions": "syngo MR B17",
    "MRAcquisitionType": "2D",
    "SeriesDescription": "TRA T2",
    "ProtocolName": "TRA T2",
    "ScanningSequence": "SE",
    "SequenceVariant": "SK\\SP",
    "SequenceName": "tseB2d1_18",
    "ImageType": [
        "ORIGINAL",
        "PRIMARY",
        "M",
        "ND",
        "NORM"
    ],
    "NonlinearGradientCorrection": false,
    "SeriesNumber": 57,
    "AcquisitionTime": "16:09:18.220000",
    "AcquisitionNumber": 1,
    "SliceThickness": 5,
    "SpacingBetweenSlices": 6,
    "SAR": 0.778532,
    "EchoTime": 0.089,
    "RepetitionTime": 5.16,
    "SpoilingState": true,
    "FlipAngle": 120,
    "PartialFourier": 0.05625,
    "PercentPhaseFOV": 100,
    "PercentSampling": 100,
    "EchoTrainLength": 18,
    "PhaseEncodingSteps": 320,
    "AcquisitionMatrixPE": 320,
    "ReconMatrixPE": 320,
    "PixelBandwidth": 220,
    "PhaseEncodingAxis": "i",
    "SliceTiming": [
        0,
        2.67188,
        0.17188,
        2.84375,
        0.34375,
        3.01562,
        0.5,
        3.17188,
        0.67188,
        3.34375,
        0.84375,
        3.51562,
        1,
        3.67188,
        1.17188,
        3.84375,
        1.34375,
        4.01562,
        1.5,
        4.1875,
        1.67188,
        4.34375,
        1.84375,
        4.51562,
        2.01562,
        4.6875,
        2.17188,
        4.84375,
        2.34375,
        5.01562,
        2.51562
    ],
    "ImageOrientationPatientDICOM": [
        0.996779,
        0.0801548,
        0.00265901,
        -0.0801989,
        0.996231,
        0.0330484
    ],
    "InPlanePhaseEncodingDirectionDICOM": "ROW",
    "ConversionSoftware": "dcm2niix",
    "ConversionSoftwareVersion": "v1.0.20230411",
    "Dcm2bidsVersion": "3.1.1"
}