{
    "Modality": "MR",
    "MagneticFieldStrength": 3,
    "ImagingFrequency": 123.22562,
    "Manufacturer": "Siemens",
    "ManufacturersModelName": "TrioTim",
    "DeviceSerialNumber": "35064",
    "BodyPartExamined": "HEAD",
    "PatientPosition": "HFS",
    "SoftwareVersions": "syngo MR B17",
    "MRAcquisitionType": "2D",
    "SeriesDescription": "TRA T2 1X1X2 OR SCAN",
    "ProtocolName": "TRA T2 1X1X2 OR SCAN",
    "ScanningSequence": "SE",
    "SequenceVariant": "SK\\SP\\OSP",
    "SequenceName": "*tse2d1_18",
    "ImageType": [
        "ORIGINAL",
        "PRIMARY",
        "M",
        "NORM",
        "DIS2D"
    ],
    "NonlinearGradientCorrection": true,
    "SeriesNumber": 53,
    "AcquisitionTime": "18:00:16.770000",
    "AcquisitionNumber": 1,
    "SliceThickness": 2,
    "SpacingBetweenSlices": 2,
    "SAR": 0.779135,
    "EchoTime": 0.093,
    "RepetitionTime": 5.25,
    "SpoilingState": true,
    "FlipAngle": 150,
    "PartialFourier": 0.0703125,
    "PercentPhaseFOV": 100,
    "PercentSampling": 100,
    "EchoTrainLength": 18,
    "PhaseEncodingSteps": 383,
    "AcquisitionMatrixPE": 256,
    "ReconMatrixPE": 256,
    "PixelBandwidth": 219,
    "PhaseEncodingAxis": "i",
    "SliceTiming": [
        0,
        68.5312,
        97.0469,
        0.17188,
        68.7031,
        97.2344,
        0.35938,
        68.8906,
        97.4219,
        0.53125,
        69.0781,
        97.5938,
        0.70312,
        69.25,
        97.7812,
        0.875,
        69.4375,
        97.9688,
        1.0625,
        69.625,
        98.1406,
        1.23438,
        69.7969,
        98.3281,
        1.40625,
        69.9844,
        98.5,
        1.57812,
        70.1719,
        98.6875,
        1.76562,
        70.3438,
        98.875,
        1.9375,
        70.5312,
        99.0469,
        2.10938,
        70.7031,
        99.2344,
        2.28125,
        70.8906,
        99.4219,
        2.46875,
        71.0781,
        99.5938,
        2.64062,
        71.25,
        99.7812,
        2.8125,
        71.4375,
        99.9531,
        2.98438,
        71.6094,
        100.141,
        3.17188,
        71.7969,
        100.328,
        3.34375,
        71.9844,
        100.5,
        3.51562,
        72.1719,
        100.688,
        3.6875,
        72.3438,
        100.875,
        3.875,
        72.5312,
        101.047,
        4.04688,
        72.7031,
        101.234,
        4.21875,
        72.8906,
        101.422,
        4.39062,
        73.0781,
        101.594,
        4.57812,
        73.25,
        101.781,
        4.75,
        73.4375,
        101.953,
        4.92188,
        73.6094,
        102.141,
        5.09375
    ],
    "ImageOrientationPatientDICOM": [
        1,
        -2.05103e-10,
        0,
        2.05103e-10,
        1,
        0
    ],
    "InPlanePhaseEncodingDirectionDICOM": "ROW",
    "ConversionSoftware": "dcm2niix",
    "ConversionSoftwareVersion": "v1.0.20230411",
    "Dcm2bidsVersion": "3.1.1"
}