{
    "Modality": "MR",
    "MagneticFieldStrength": 3,
    "ImagingFrequency": 123.186461,
    "Manufacturer": "Siemens",
    "ManufacturersModelName": "Skyra",
    "DeviceSerialNumber": "45369",
    "BodyPartExamined": "BRAIN",
    "PatientPosition": "HFS",
    "SoftwareVersions": "syngo MR D13",
    "MRAcquisitionType": "2D",
    "SeriesDescription": "TRA T2 TSE STEALTH",
    "ProtocolName": "TRA T2 TSE STEALTH",
    "ScanningSequence": "SE",
    "SequenceVariant": "SK\\SP\\OSP",
    "SequenceName": "*tse2d1_12",
    "ImageType": [
        "ORIGINAL",
        "PRIMARY",
        "M",
        "ND",
        "NORM"
    ],
    "NonlinearGradientCorrection": false,
    "SeriesNumber": 40,
    "AcquisitionTime": "13:24:55.442500",
    "AcquisitionNumber": 1,
    "SliceThickness": 2,
    "SpacingBetweenSlices": 2,
    "SAR": 0.777188,
    "NumberOfAverages": 2,
    "EchoTime": 0.095,
    "RepetitionTime": 7.63,
    "SpoilingState": true,
    "FlipAngle": 150,
    "PartialFourier": 0.046875,
    "PercentPhaseFOV": 100,
    "PercentSampling": 100,
    "EchoTrainLength": 12,
    "PhaseEncodingSteps": 264,
    "AcquisitionMatrixPE": 256,
    "ReconMatrixPE": 256,
    "PixelBandwidth": 130,
    "PhaseEncodingAxis": "j",
    "SliceTiming": [
        135.484,
        0,
        135.672,
        0.17188,
        135.844,
        0.34375,
        136.016,
        0.51562,
        136.188,
        0.6875,
        136.359,
        0.85938,
        136.531,
        1.04688,
        136.703,
        1.21875,
        136.875,
        1.39062,
        137.047,
        1.5625,
        137.219,
        1.73438,
        137.391,
        1.90625,
        137.562,
        2.07812,
        137.75,
        2.25,
        137.922,
        2.42188,
        138.094,
        2.60938,
        138.266,
        2.78125,
        138.438,
        2.95312,
        138.609,
        3.125,
        138.781,
        3.29688,
        138.953,
        3.46875,
        139.125,
        3.64062,
        139.297,
        3.8125,
        139.484,
        3.98438,
        139.656,
        4.15625,
        139.828,
        4.32812,
        140,
        4.51562,
        140.172,
        4.6875,
        140.344,
        4.85938,
        140.516,
        5.03125,
        140.688,
        5.20312,
        140.859,
        5.375,
        141.047,
        5.54688,
        141.219,
        5.71875,
        141.391,
        5.89062,
        141.562,
        6.0625,
        141.734,
        6.23438,
        141.906,
        6.42188,
        142.078,
        6.59375,
        142.25,
        6.76562,
        142.422,
        6.9375,
        142.594,
        7.10938,
        142.766,
        7.28125,
        142.953,
        7.45312
    ],
    "ImageOrientationPatientDICOM": [
        1,
        0,
        0,
        0,
        1,
        0
    ],
    "InPlanePhaseEncodingDirectionDICOM": "COL",
    "ConversionSoftware": "dcm2niix",
    "ConversionSoftwareVersion": "v1.0.20230411",
    "Dcm2bidsVersion": "3.1.1"
}