{"Modality":"MR","MagneticFieldStrength":3,"ImagingFrequency":123.225394,"Manufacturer":"Siemens","ManufacturersModelName":"TrioTim","InstitutionName":"Barnes-Jewish Hosp smra","InstitutionAddress":"South Euclid Street 499,St Louis ,District,US,63110","DeviceSerialNumber":"35064","StationName":"smra","PatientPosition":"HFS","ProcedureStepDescription":"70553 MRI Brain wo&with contrast","SoftwareVersions":"syngo MR B15","MRAcquisitionType":"2D","SeriesDescription":"act_TRA fMRI MOTOR","ProtocolName":"TRA fMRI MOTOR","ScanningSequence":"EP","SequenceVariant":"SK","ScanOptions":"FS","SequenceName":"*epfid2d1_64","ImageType":["ORIGINAL","PRIMARY","M","ND","NORM","MOSAIC"],"NonlinearGradientCorrection":false,"SeriesNumber":5,"AcquisitionTime":"15:19:57.970000","AcquisitionNumber":1,"ImageComments":"33862994 CLH","SliceThickness":4,"SpacingBetweenSlices":4,"SAR":0.132842,"EchoTime":0.027,"RepetitionTime":2.2,"FlipAngle":90,"PartialFourier":1,"BaseResolution":64,"ShimSetting":[1445,-25779,-6007,356,-45,-1067,583,-64],"TxRefAmp":290.073,"PhaseResolution":1,"ReceiveCoilName":"HeadMatrix","CoilString":"t:HEA;HEP","PulseSequenceDetails":"%SiemensSeq%\\ep2d_pace","CoilCombinationMethod":"Sum of Squares","MatrixCoilMode":"SENSE","PercentPhaseFOV":100,"PercentSampling":100,"PhaseEncodingSteps":64,"AcquisitionMatrixPE":64,"ReconMatrixPE":64,"BandwidthPerPixelPhaseEncode":26.483,"EffectiveEchoSpacing":0.000590001,"DerivedVendorReportedEchoSpacing":0.000590001,"TotalReadoutTime":0.0371701,"PixelBandwidth":1905,"DwellTime":4.1E-6,"PhaseEncodingDirection":"j-","SliceTiming":[1.095,0,1.155,0.0625,1.2175,0.1225,1.2775,0.1825,1.3375,0.245,1.4,0.305,1.46,0.365,1.52,0.4275,1.5825,0.4875,1.6425,0.5475,1.7025,0.61,1.765,0.67,1.825,0.73,1.885,0.7925,1.9475,0.8525,2.0075,0.9125,2.0675,0.975,2.1275,1.035],"ImageOrientationPatientDICOM":[1,0,0,0,1,0],"ImageOrientationText":"Tra","InPlanePhaseEncodingDirectionDICOM":"COL","ConversionSoftware":"dcm2niix","ConversionSoftwareVersion":"v1.0.20230411","Dcm2bidsVersion":"3.1.1","TaskName":"motor"}