{
    "Modality": "MR",
    "MagneticFieldStrength": 3,
    "ImagingFrequency": 123.186418,
    "Manufacturer": "Siemens",
    "ManufacturersModelName": "Skyra",
    "DeviceSerialNumber": "45369",
    "BodyPartExamined": "BRAIN",
    "PatientPosition": "HFS",
    "SoftwareVersions": "syngo MR D13",
    "MRAcquisitionType": "2D",
    "SeriesDescription": "TRA T2 TSE STEALTH",
    "ProtocolName": "TRA T2 TSE STEALTH",
    "ScanningSequence": "SE",
    "SequenceVariant": "SK\\SP\\OSP",
    "SequenceName": "*tse2d1_12",
    "ImageType": [
        "ORIGINAL",
        "PRIMARY",
        "M",
        "ND",
        "NORM"
    ],
    "NonlinearGradientCorrection": false,
    "SeriesNumber": 20,
    "AcquisitionTime": "12:47:20.955000",
    "AcquisitionNumber": 1,
    "SliceThickness": 2,
    "SpacingBetweenSlices": 2,
    "SAR": 0.48678,
    "NumberOfAverages": 2,
    "EchoTime": 0.095,
    "RepetitionTime": 7.98,
    "SpoilingState": true,
    "FlipAngle": 140,
    "PartialFourier": 0.046875,
    "PercentPhaseFOV": 100,
    "PercentSampling": 100,
    "EchoTrainLength": 12,
    "PhaseEncodingSteps": 264,
    "AcquisitionMatrixPE": 256,
    "ReconMatrixPE": 256,
    "PixelBandwidth": 130,
    "PhaseEncodingAxis": "j",
    "SliceTiming": [
        0,
        143.539,
        0.17188,
        143.719,
        0.34375,
        143.898,
        0.52344,
        144.07,
        0.69531,
        144.25,
        0.86719,
        144.43,
        1.03906,
        144.602,
        1.21094,
        144.781,
        1.39062,
        144.961,
        1.5625,
        145.141,
        1.73438,
        145.312,
        1.90625,
        145.492,
        2.07812,
        145.672,
        2.25781,
        145.844,
        2.42969,
        146.023,
        2.60156,
        146.203,
        2.77344,
        146.383,
        2.95312,
        146.555,
        3.125,
        146.734,
        3.29688,
        146.906,
        3.46875,
        147.086,
        3.64062,
        147.266,
        3.82031,
        147.445,
        3.99219,
        147.617,
        4.16406,
        147.797,
        4.33594,
        147.977,
        4.51562,
        148.148,
        4.6875,
        148.328,
        4.85938,
        148.508,
        5.03125,
        148.688,
        5.20312,
        148.859,
        5.38281,
        149.039,
        5.55469,
        149.219,
        5.72656,
        149.391,
        5.89844,
        149.57,
        6.07031,
        149.75,
        6.25,
        149.922,
        6.42188,
        150.102,
        6.59375,
        150.281,
        6.76562,
        150.453,
        6.9375,
        150.633,
        7.11719,
        150.812,
        7.28906,
        150.992,
        7.46094,
        151.164,
        7.63281,
        151.344,
        7.80469
    ],
    "ImageOrientationPatientDICOM": [
        1,
        0,
        0,
        0,
        1,
        0
    ],
    "InPlanePhaseEncodingDirectionDICOM": "COL",
    "ConversionSoftware": "dcm2niix",
    "ConversionSoftwareVersion": "v1.0.20230411",
    "Dcm2bidsVersion": "3.1.1"
}