{
    "Modality": "MR",
    "MagneticFieldStrength": 3,
    "ImagingFrequency": 123.18643,
    "Manufacturer": "Siemens",
    "ManufacturersModelName": "Skyra",
    "DeviceSerialNumber": "45369",
    "BodyPartExamined": "BRAIN",
    "PatientPosition": "HFS",
    "SoftwareVersions": "syngo MR D13",
    "MRAcquisitionType": "2D",
    "SeriesDescription": "TRA T2 TSE STEALTH",
    "ProtocolName": "TRA T2 TSE STEALTH",
    "ScanningSequence": "SE",
    "SequenceVariant": "SK\\SP\\OSP",
    "SequenceName": "*tse2d1_12",
    "ImageType": [
        "ORIGINAL",
        "PRIMARY",
        "M",
        "ND",
        "NORM"
    ],
    "NonlinearGradientCorrection": false,
    "SeriesNumber": 45,
    "AcquisitionTime": "09:06:1.115000",
    "AcquisitionNumber": 1,
    "SliceThickness": 2,
    "SpacingBetweenSlices": 2,
    "SAR": 0.815235,
    "NumberOfAverages": 2,
    "EchoTime": 0.095,
    "RepetitionTime": 7.29,
    "SpoilingState": true,
    "FlipAngle": 166,
    "PartialFourier": 0.046875,
    "PercentPhaseFOV": 100,
    "PercentSampling": 100,
    "EchoTrainLength": 12,
    "PhaseEncodingSteps": 264,
    "AcquisitionMatrixPE": 256,
    "ReconMatrixPE": 256,
    "PixelBandwidth": 130,
    "PhaseEncodingAxis": "j",
    "SliceTiming": [
        127.672,
        0,
        127.844,
        0.17188,
        128.016,
        0.34375,
        128.188,
        0.52344,
        128.367,
        0.69531,
        128.539,
        0.86719,
        128.711,
        1.03906,
        128.883,
        1.21094,
        129.062,
        1.39062,
        129.234,
        1.5625,
        129.406,
        1.73438,
        129.578,
        1.90625,
        129.75,
        2.08594,
        129.93,
        2.25781,
        130.102,
        2.42969,
        130.273,
        2.60156,
        130.445,
        2.77344,
        130.617,
        2.95312,
        130.797,
        3.125,
        130.969,
        3.29688,
        131.141,
        3.46875,
        131.312,
        3.64844,
        131.492,
        3.82031,
        131.664,
        3.99219,
        131.836,
        4.16406,
        132.008,
        4.33594,
        132.18,
        4.51562,
        132.359,
        4.6875,
        132.531,
        4.85938,
        132.703,
        5.03125,
        132.875,
        5.21094,
        133.047,
        5.38281,
        133.227,
        5.55469,
        133.398,
        5.72656,
        133.57,
        5.89844,
        133.742,
        6.07812,
        133.922,
        6.25,
        134.094,
        6.42188,
        134.266,
        6.59375,
        134.438,
        6.77344,
        134.609,
        6.94531,
        134.789,
        7.11719
    ],
    "ImageOrientationPatientDICOM": [
        1,
        0,
        0,
        0,
        1,
        0
    ],
    "InPlanePhaseEncodingDirectionDICOM": "COL",
    "ConversionSoftware": "dcm2niix",
    "ConversionSoftwareVersion": "v1.0.20230411",
    "Dcm2bidsVersion": "3.1.1"
}