{
    "Modality": "MR",
    "MagneticFieldStrength": 3,
    "ImagingFrequency": 123.225577,
    "Manufacturer": "Siemens",
    "ManufacturersModelName": "TrioTim",
    "DeviceSerialNumber": "35064",
    "BodyPartExamined": "HEAD",
    "PatientPosition": "HFS",
    "SoftwareVersions": "syngo MR B17",
    "MRAcquisitionType": "2D",
    "SeriesDescription": "TRA T2 1X1X2 OR SCAN",
    "ProtocolName": "TRA T2 1X1X2 OR SCAN",
    "ScanningSequence": "SE",
    "SequenceVariant": "SK\\SP\\OSP",
    "SequenceName": "*tse2d1_18",
    "ImageType": [
        "ORIGINAL",
        "PRIMARY",
        "M",
        "ND",
        "NORM"
    ],
    "NonlinearGradientCorrection": false,
    "SeriesNumber": 34,
    "AcquisitionTime": "13:18:14.265000",
    "AcquisitionNumber": 1,
    "SliceThickness": 2,
    "SpacingBetweenSlices": 2,
    "SAR": 0.760376,
    "EchoTime": 0.093,
    "RepetitionTime": 6.43,
    "SpoilingState": true,
    "FlipAngle": 150,
    "PartialFourier": 0.0703125,
    "PercentPhaseFOV": 100,
    "PercentSampling": 100,
    "EchoTrainLength": 18,
    "PhaseEncodingSteps": 383,
    "AcquisitionMatrixPE": 256,
    "ReconMatrixPE": 256,
    "PixelBandwidth": 219,
    "PhaseEncodingAxis": "i",
    "SliceTiming": [
        0,
        83.9219,
        127.844,
        0.21875,
        84.1406,
        128.078,
        0.42188,
        84.375,
        128.297,
        0.64062,
        84.5938,
        128.516,
        0.85938,
        84.8125,
        128.734,
        1.07812,
        85.0312,
        128.969,
        1.29688,
        85.2656,
        129.188,
        1.5,
        85.4844,
        129.406,
        1.71875,
        85.7031,
        129.625,
        1.9375,
        85.9219,
        129.859,
        2.15625,
        86.1562,
        130.078,
        2.35938,
        86.375,
        130.297,
        2.57812,
        86.5938,
        130.516,
        2.79688,
        86.8125,
        130.75,
        3.01562,
        87.0469,
        130.969,
        3.23438,
        87.2656,
        131.188,
        3.4375,
        87.4844,
        131.406,
        3.65625,
        87.7031,
        131.641,
        3.875,
        87.9375,
        131.859,
        4.09375,
        88.1562,
        132.078,
        4.29688,
        88.375,
        132.297,
        4.51562,
        88.5938,
        132.531,
        4.73438,
        88.8281,
        132.75,
        4.95312,
        89.0469,
        132.969,
        5.17188,
        89.2656,
        133.188,
        5.375,
        89.4844,
        133.422,
        5.59375,
        89.7188,
        133.641,
        5.8125,
        89.9375,
        133.859,
        6.03125,
        90.1562,
        134.078,
        6.23438
    ],
    "ImageOrientationPatientDICOM": [
        1,
        -2.05103e-10,
        0,
        2.05103e-10,
        1,
        0
    ],
    "InPlanePhaseEncodingDirectionDICOM": "ROW",
    "ConversionSoftware": "dcm2niix",
    "ConversionSoftwareVersion": "v1.0.20230411",
    "Dcm2bidsVersion": "3.1.1"
}