{
    "Modality": "MR",
    "MagneticFieldStrength": 3,
    "ImagingFrequency": 123.225513,
    "Manufacturer": "Siemens",
    "ManufacturersModelName": "TrioTim",
    "DeviceSerialNumber": "35064",
    "BodyPartExamined": "HEAD",
    "PatientPosition": "HFS",
    "SoftwareVersions": "syngo MR B17",
    "MRAcquisitionType": "2D",
    "SeriesDescription": "TRA T2 1X1X2 OR SCAN",
    "ProtocolName": "TRA T2 1X1X2 OR SCAN",
    "ScanningSequence": "SE",
    "SequenceVariant": "SK\\SP\\OSP",
    "SequenceName": "*tse2d1_18",
    "ImageType": [
        "ORIGINAL",
        "PRIMARY",
        "M",
        "NORM",
        "DIS2D"
    ],
    "NonlinearGradientCorrection": true,
    "SeriesNumber": 15,
    "AcquisitionTime": "10:10:44.110000",
    "AcquisitionNumber": 1,
    "SliceThickness": 2,
    "SpacingBetweenSlices": 2,
    "SAR": 0.923489,
    "EchoTime": 0.093,
    "RepetitionTime": 5.25,
    "SpoilingState": true,
    "FlipAngle": 150,
    "PartialFourier": 0.0703125,
    "PercentPhaseFOV": 100,
    "PercentSampling": 100,
    "EchoTrainLength": 18,
    "PhaseEncodingSteps": 383,
    "AcquisitionMatrixPE": 256,
    "ReconMatrixPE": 256,
    "PixelBandwidth": 219,
    "PhaseEncodingAxis": "i",
    "SliceTiming": [
        0,
        68.5234,
        97.0469,
        0.17188,
        68.7031,
        97.2344,
        0.35156,
        68.8906,
        97.4141,
        0.53125,
        69.0703,
        97.5938,
        0.70312,
        69.25,
        97.7734,
        0.875,
        69.4297,
        97.9609,
        1.05469,
        69.6172,
        98.1406,
        1.23438,
        69.7969,
        98.3203,
        1.40625,
        69.9766,
        98.5,
        1.57812,
        70.1641,
        98.6797,
        1.75781,
        70.3438,
        98.8672,
        1.92969,
        70.5234,
        99.0469,
        2.10938,
        70.7031,
        99.2266,
        2.28125,
        70.8906,
        99.4141,
        2.46094,
        71.0703,
        99.5938,
        2.63281,
        71.25,
        99.7734,
        2.8125,
        71.4297,
        99.9531,
        2.98438,
        71.6094,
        100.141,
        3.16406,
        71.7969,
        100.32,
        3.33594,
        71.9766,
        100.5,
        3.51562,
        72.1562,
        100.68,
        3.6875,
        72.3438,
        100.867,
        3.86719,
        72.5234,
        101.047,
        4.03906,
        72.7031,
        101.227,
        4.21875,
        72.8828,
        101.414,
        4.39062,
        73.0703,
        101.594,
        4.57031,
        73.25,
        101.773,
        4.74219,
        73.4297,
        101.953,
        4.92188,
        73.6094,
        102.141,
        5.09375
    ],
    "ImageOrientationPatientDICOM": [
        1,
        -2.05103e-10,
        0,
        2.05103e-10,
        1,
        0
    ],
    "InPlanePhaseEncodingDirectionDICOM": "ROW",
    "ConversionSoftware": "dcm2niix",
    "ConversionSoftwareVersion": "v1.0.20230411",
    "Dcm2bidsVersion": "3.1.1"
}