{
    "Modality": "MR",
    "MagneticFieldStrength": 3,
    "ImagingFrequency": 123.186403,
    "Manufacturer": "Siemens",
    "ManufacturersModelName": "Skyra",
    "DeviceSerialNumber": "45369",
    "BodyPartExamined": "BRAIN",
    "PatientPosition": "HFS",
    "SoftwareVersions": "syngo MR D13",
    "MRAcquisitionType": "2D",
    "SeriesDescription": "TRA T2 TSE STEALTH",
    "ProtocolName": "TRA T2 TSE STEALTH",
    "ScanningSequence": "SE",
    "SequenceVariant": "SK\\SP\\OSP",
    "SequenceName": "*tse2d1_12",
    "ImageType": [
        "ORIGINAL",
        "PRIMARY",
        "M",
        "ND",
        "NORM"
    ],
    "NonlinearGradientCorrection": false,
    "SeriesNumber": 19,
    "AcquisitionTime": "08:12:45.160000",
    "AcquisitionNumber": 1,
    "SliceThickness": 2,
    "SpacingBetweenSlices": 2,
    "SAR": 0.478894,
    "NumberOfAverages": 2,
    "EchoTime": 0.095,
    "RepetitionTime": 7.98,
    "SpoilingState": true,
    "FlipAngle": 139,
    "PartialFourier": 0.046875,
    "PercentPhaseFOV": 100,
    "PercentSampling": 100,
    "EchoTrainLength": 12,
    "PhaseEncodingSteps": 264,
    "AcquisitionMatrixPE": 256,
    "ReconMatrixPE": 256,
    "PixelBandwidth": 130,
    "PhaseEncodingAxis": "j",
    "SliceTiming": [
        143.539,
        0,
        143.719,
        0.17188,
        143.891,
        0.35156,
        144.062,
        0.52344,
        144.234,
        0.69531,
        144.414,
        0.86719,
        144.586,
        1.03906,
        144.758,
        1.21875,
        144.93,
        1.39062,
        145.102,
        1.5625,
        145.281,
        1.73438,
        145.453,
        1.91406,
        145.625,
        2.08594,
        145.797,
        2.25781,
        145.969,
        2.42969,
        146.148,
        2.60156,
        146.32,
        2.78125,
        146.492,
        2.95312,
        146.664,
        3.125,
        146.836,
        3.29688,
        147.016,
        3.47656,
        147.188,
        3.64844,
        147.359,
        3.82031,
        147.531,
        3.99219,
        147.703,
        4.16406,
        147.883,
        4.34375,
        148.055,
        4.51562,
        148.227,
        4.6875,
        148.398,
        4.85938,
        148.57,
        5.03125,
        148.742,
        5.20312,
        148.922,
        5.38281,
        149.094,
        5.55469,
        149.266,
        5.72656,
        149.438,
        5.89844,
        149.609,
        6.07031,
        149.789,
        6.25,
        149.961,
        6.42188,
        150.133,
        6.59375,
        150.305,
        6.76562,
        150.477,
        6.9375,
        150.656,
        7.11719,
        150.828,
        7.28906,
        151,
        7.46094,
        151.172,
        7.63281,
        151.352,
        7.80469
    ],
    "ImageOrientationPatientDICOM": [
        1,
        0,
        0,
        0,
        1,
        0
    ],
    "InPlanePhaseEncodingDirectionDICOM": "COL",
    "ConversionSoftware": "dcm2niix",
    "ConversionSoftwareVersion": "v1.0.20230411",
    "Dcm2bidsVersion": "3.1.1"
}