{
    "Modality": "MR",
    "MagneticFieldStrength": 3,
    "ImagingFrequency": 123.186612,
    "Manufacturer": "Siemens",
    "ManufacturersModelName": "Skyra",
    "DeviceSerialNumber": "45369",
    "BodyPartExamined": "BRAIN",
    "PatientPosition": "HFS",
    "SoftwareVersions": "syngo MR D13",
    "MRAcquisitionType": "2D",
    "SeriesDescription": "TRA T2 TSE STEALTH",
    "ProtocolName": "TRA T2 TSE STEALTH",
    "ScanningSequence": "SE",
    "SequenceVariant": "SK\\SP\\OSP",
    "SequenceName": "*tse2d1_12",
    "ImageType": [
        "ORIGINAL",
        "PRIMARY",
        "M",
        "ND",
        "NORM"
    ],
    "NonlinearGradientCorrection": false,
    "SeriesNumber": 47,
    "AcquisitionTime": "15:42:9.375000",
    "AcquisitionNumber": 1,
    "SliceThickness": 2,
    "SpacingBetweenSlices": 2,
    "SAR": 0.705912,
    "NumberOfAverages": 2,
    "EchoTime": 0.095,
    "RepetitionTime": 7.81,
    "SpoilingState": true,
    "FlipAngle": 180,
    "PartialFourier": 0.046875,
    "PercentPhaseFOV": 100,
    "PercentSampling": 100,
    "EchoTrainLength": 12,
    "PhaseEncodingSteps": 264,
    "AcquisitionMatrixPE": 256,
    "ReconMatrixPE": 256,
    "PixelBandwidth": 130,
    "PhaseEncodingAxis": "j",
    "SliceTiming": [
        139.625,
        0,
        139.797,
        0.17188,
        139.969,
        0.34375,
        140.141,
        0.51562,
        140.312,
        0.6875,
        140.5,
        0.85938,
        140.672,
        1.03125,
        140.844,
        1.20312,
        141.016,
        1.375,
        141.188,
        1.5625,
        141.359,
        1.73438,
        141.531,
        1.90625,
        141.703,
        2.07812,
        141.875,
        2.25,
        142.062,
        2.42188,
        142.234,
        2.59375,
        142.406,
        2.76562,
        142.578,
        2.9375,
        142.75,
        3.125,
        142.922,
        3.29688,
        143.094,
        3.46875,
        143.266,
        3.64062,
        143.438,
        3.8125,
        143.609,
        3.98438,
        143.797,
        4.15625,
        143.969,
        4.32812,
        144.141,
        4.5,
        144.312,
        4.6875,
        144.484,
        4.85938,
        144.656,
        5.03125,
        144.828,
        5.20312,
        145,
        5.375,
        145.172,
        5.54688,
        145.359,
        5.71875,
        145.531,
        5.89062,
        145.703,
        6.0625,
        145.875,
        6.25,
        146.047,
        6.42188,
        146.219,
        6.59375,
        146.391,
        6.76562,
        146.562,
        6.9375,
        146.734,
        7.10938,
        146.906,
        7.28125,
        147.094,
        7.45312,
        147.266,
        7.625
    ],
    "ImageOrientationPatientDICOM": [
        1,
        0,
        0,
        0,
        1,
        0
    ],
    "InPlanePhaseEncodingDirectionDICOM": "COL",
    "ConversionSoftware": "dcm2niix",
    "ConversionSoftwareVersion": "v1.0.20230411",
    "Dcm2bidsVersion": "3.1.1"
}