{
    "Modality": "MR",
    "MagneticFieldStrength": 3,
    "ImagingFrequency": 123.186415,
    "Manufacturer": "Siemens",
    "ManufacturersModelName": "Skyra",
    "DeviceSerialNumber": "45369",
    "BodyPartExamined": "BRAIN",
    "PatientPosition": "HFS",
    "SoftwareVersions": "syngo MR D13",
    "MRAcquisitionType": "2D",
    "SeriesDescription": "TRA T2 TSE STEALTH",
    "ProtocolName": "TRA T2 TSE STEALTH",
    "ScanningSequence": "SE",
    "SequenceVariant": "SK\\SP\\OSP",
    "SequenceName": "*tse2d1_12",
    "ImageType": [
        "ORIGINAL",
        "PRIMARY",
        "M",
        "ND",
        "NORM"
    ],
    "NonlinearGradientCorrection": false,
    "SeriesNumber": 29,
    "AcquisitionTime": "12:12:6.487500",
    "AcquisitionNumber": 1,
    "SliceThickness": 2,
    "SpacingBetweenSlices": 2,
    "SAR": 0.443128,
    "NumberOfAverages": 2,
    "EchoTime": 0.101,
    "RepetitionTime": 7.3,
    "SpoilingState": true,
    "FlipAngle": 180,
    "PartialFourier": 0.046875,
    "PercentPhaseFOV": 100,
    "PercentSampling": 100,
    "EchoTrainLength": 12,
    "PhaseEncodingSteps": 264,
    "AcquisitionMatrixPE": 256,
    "ReconMatrixPE": 256,
    "PixelBandwidth": 130,
    "PhaseEncodingAxis": "j",
    "SliceTiming": [
        127.898,
        0,
        128.086,
        0.1875,
        128.266,
        0.36719,
        128.445,
        0.54688,
        128.633,
        0.73438,
        128.812,
        0.91406,
        129,
        1.09375,
        129.18,
        1.28125,
        129.359,
        1.46094,
        129.547,
        1.64062,
        129.727,
        1.82812,
        129.906,
        2.00781,
        130.094,
        2.19531,
        130.273,
        2.375,
        130.453,
        2.55469,
        130.641,
        2.74219,
        130.82,
        2.92188,
        131.008,
        3.10156,
        131.188,
        3.28906,
        131.367,
        3.46875,
        131.555,
        3.64844,
        131.734,
        3.83594,
        131.914,
        4.01562,
        132.102,
        4.19531,
        132.281,
        4.38281,
        132.461,
        4.5625,
        132.648,
        4.75,
        132.828,
        4.92969,
        133.008,
        5.10938,
        133.195,
        5.29688,
        133.375,
        5.47656,
        133.562,
        5.65625,
        133.742,
        5.84375,
        133.922,
        6.02344,
        134.109,
        6.20312,
        134.289,
        6.39062,
        134.469,
        6.57031,
        134.656,
        6.75781,
        134.836,
        6.9375,
        135.016,
        7.11719
    ],
    "ImageOrientationPatientDICOM": [
        1,
        0,
        0,
        0,
        1,
        0
    ],
    "InPlanePhaseEncodingDirectionDICOM": "COL",
    "ConversionSoftware": "dcm2niix",
    "ConversionSoftwareVersion": "v1.0.20230411",
    "Dcm2bidsVersion": "3.1.1"
}