{"Modality":"MR","MagneticFieldStrength":3,"ImagingFrequency":123.225547,"Manufacturer":"Siemens","ManufacturersModelName":"TrioTim","DeviceSerialNumber":"35064","BodyPartExamined":"HEAD","PatientPosition":"HFS","SoftwareVersions":"syngo MR B17","MRAcquisitionType":"2D","SeriesDescription":"act_TRA fMRI MOTOR","ProtocolName":"act_TRA fMRI MOTOR","ScanningSequence":"EP","SequenceVariant":"SK","ScanOptions":"FS","SequenceName":"*epfid2d1_64","ImageType":["ORIGINAL","PRIMARY","FMRI","NONE","ND","NORM","MOSAIC"],"NonlinearGradientCorrection":false,"SeriesNumber":6,"AcquisitionTime":"12:36:17.707500","AcquisitionNumber":1,"SliceThickness":4,"SpacingBetweenSlices":4,"SAR":0.156526,"EchoTime":0.027,"RepetitionTime":2.2,"FlipAngle":90,"PercentPhaseFOV":100,"PercentSampling":100,"PhaseEncodingSteps":64,"AcquisitionMatrixPE":64,"ReconMatrixPE":64,"PixelBandwidth":1905,"PhaseEncodingAxis":"j","ImageOrientationPatientDICOM":[1,0,0,0,1,0],"InPlanePhaseEncodingDirectionDICOM":"COL","ConversionSoftware":"dcm2niix","ConversionSoftwareVersion":"v1.0.20230411","Dcm2bidsVersion":"3.1.1","TaskName":"motor"}