{"Modality":"MR","MagneticFieldStrength":3,"ImagingFrequency":123.186494,"Manufacturer":"Siemens","ManufacturersModelName":"Skyra","DeviceSerialNumber":"45369","BodyPartExamined":"BRAIN","PatientPosition":"HFS","SoftwareVersions":"syngo MR D13","MRAcquisitionType":"2D","SeriesDescription":"TRA fMRI RESTING STATE","ProtocolName":"TRA fMRI RESTING STATE","ScanningSequence":"EP","SequenceVariant":"SK","ScanOptions":"FS","SequenceName":"*epfid2d1_64","ImageType":["ORIGINAL","PRIMARY","M","ND","MOSAIC"],"NonlinearGradientCorrection":false,"SeriesNumber":33,"AcquisitionTime":"08:49:1.835000","AcquisitionNumber":1,"SliceThickness":4,"SpacingBetweenSlices":4,"SAR":0.171338,"EchoTime":0.027,"RepetitionTime":2.33,"FlipAngle":90,"PartialFourier":0.484375,"PercentPhaseFOV":100,"PercentSampling":100,"EchoTrainLength":31,"PhaseEncodingSteps":63,"AcquisitionMatrixPE":64,"ReconMatrixPE":64,"PixelBandwidth":1775,"PhaseEncodingAxis":"j","ImageOrientationPatientDICOM":[1,0,0,0,1,0],"InPlanePhaseEncodingDirectionDICOM":"COL","ConversionSoftware":"dcm2niix","ConversionSoftwareVersion":"v1.0.20230411","Dcm2bidsVersion":"3.1.1","TaskName":"rest"}