{
    "Modality": "MR",
    "MagneticFieldStrength": 3,
    "ImagingFrequency": 123.186492,
    "Manufacturer": "Siemens",
    "ManufacturersModelName": "Skyra",
    "DeviceSerialNumber": "45369",
    "BodyPartExamined": "BRAIN",
    "PatientPosition": "HFS",
    "SoftwareVersions": "syngo MR D13",
    "MRAcquisitionType": "2D",
    "SeriesDescription": "TRA T2 TSE STEALTH",
    "ProtocolName": "TRA T2 TSE STEALTH",
    "ScanningSequence": "SE",
    "SequenceVariant": "SK\\SP\\OSP",
    "SequenceName": "*tse2d1_12",
    "ImageType": [
        "ORIGINAL",
        "PRIMARY",
        "M",
        "ND",
        "NORM"
    ],
    "NonlinearGradientCorrection": false,
    "SeriesNumber": 23,
    "AcquisitionTime": "15:54:5.730000",
    "AcquisitionNumber": 1,
    "SliceThickness": 2,
    "SpacingBetweenSlices": 2,
    "SAR": 0.623634,
    "NumberOfAverages": 2,
    "EchoTime": 0.095,
    "RepetitionTime": 6.94,
    "SpoilingState": true,
    "FlipAngle": 144,
    "PartialFourier": 0.046875,
    "PercentPhaseFOV": 100,
    "PercentSampling": 100,
    "EchoTrainLength": 12,
    "PhaseEncodingSteps": 264,
    "AcquisitionMatrixPE": 256,
    "ReconMatrixPE": 256,
    "PixelBandwidth": 130,
    "PhaseEncodingAxis": "j",
    "SliceTiming": [
        119.625,
        0,
        119.797,
        0.17188,
        119.969,
        0.34375,
        120.141,
        0.51562,
        120.312,
        0.6875,
        120.484,
        0.875,
        120.656,
        1.04688,
        120.828,
        1.21875,
        121.016,
        1.39062,
        121.188,
        1.5625,
        121.359,
        1.73438,
        121.531,
        1.90625,
        121.703,
        2.07812,
        121.875,
        2.25,
        122.047,
        2.42188,
        122.219,
        2.60938,
        122.391,
        2.78125,
        122.578,
        2.95312,
        122.75,
        3.125,
        122.922,
        3.29688,
        123.094,
        3.46875,
        123.266,
        3.64062,
        123.438,
        3.8125,
        123.609,
        3.98438,
        123.781,
        4.15625,
        123.953,
        4.34375,
        124.125,
        4.51562,
        124.312,
        4.6875,
        124.484,
        4.85938,
        124.656,
        5.03125,
        124.828,
        5.20312,
        125,
        5.375,
        125.172,
        5.54688,
        125.344,
        5.71875,
        125.516,
        5.89062,
        125.688,
        6.07812,
        125.859,
        6.25,
        126.047,
        6.42188,
        126.219,
        6.59375,
        126.391,
        6.76562
    ],
    "ImageOrientationPatientDICOM": [
        1,
        0,
        0,
        0,
        1,
        0
    ],
    "InPlanePhaseEncodingDirectionDICOM": "COL",
    "ConversionSoftware": "dcm2niix",
    "ConversionSoftwareVersion": "v1.0.20230411",
    "Dcm2bidsVersion": "3.1.1"
}