{
    "Modality": "MR",
    "MagneticFieldStrength": 3,
    "ImagingFrequency": 123.186498,
    "Manufacturer": "Siemens",
    "ManufacturersModelName": "Skyra",
    "DeviceSerialNumber": "45369",
    "BodyPartExamined": "BRAIN",
    "PatientPosition": "HFS",
    "SoftwareVersions": "syngo MR D13",
    "MRAcquisitionType": "2D",
    "SeriesDescription": "TRA T2 TSE STEALTH",
    "ProtocolName": "TRA T2 TSE STEALTH",
    "ScanningSequence": "SE",
    "SequenceVariant": "SK\\SP\\OSP",
    "SequenceName": "*tse2d1_12",
    "ImageType": [
        "ORIGINAL",
        "PRIMARY",
        "M",
        "ND",
        "NORM"
    ],
    "NonlinearGradientCorrection": false,
    "SeriesNumber": 40,
    "AcquisitionTime": "15:17:41.397500",
    "AcquisitionNumber": 1,
    "SliceThickness": 2,
    "SpacingBetweenSlices": 2,
    "SAR": 0.643378,
    "NumberOfAverages": 2,
    "EchoTime": 0.101,
    "RepetitionTime": 6.16,
    "SpoilingState": true,
    "FlipAngle": 180,
    "PartialFourier": 0.0645161,
    "PercentPhaseFOV": 90.625,
    "PercentSampling": 80,
    "EchoTrainLength": 12,
    "PhaseEncodingSteps": 192,
    "AcquisitionMatrixPE": 186,
    "ReconMatrixPE": 232,
    "PixelBandwidth": 130,
    "PhaseEncodingAxis": "i",
    "SliceTiming": [
        0,
        64.7344,
        129.453,
        0.21875,
        64.9375,
        129.656,
        0.42188,
        65.1406,
        129.859,
        0.625,
        65.3438,
        130.062,
        0.82812,
        65.5469,
        130.266,
        1.03125,
        65.75,
        130.469,
        1.23438,
        65.9531,
        130.672,
        1.4375,
        66.1719,
        130.891,
        1.65625,
        66.375,
        131.094,
        1.85938,
        66.5781,
        131.297,
        2.0625,
        66.7812,
        131.5,
        2.26562,
        66.9844,
        131.703,
        2.46875,
        67.1875,
        131.906,
        2.67188,
        67.3906,
        132.109,
        2.875,
        67.6094,
        132.328,
        3.09375,
        67.8125,
        132.531,
        3.29688,
        68.0156,
        132.734,
        3.5,
        68.2188,
        132.938,
        3.70312,
        68.4219,
        133.141,
        3.90625,
        68.625,
        133.344,
        4.10938,
        68.8281,
        133.547,
        4.3125,
        69.0469,
        133.766,
        4.53125,
        69.25,
        133.969,
        4.73438,
        69.4531,
        134.172,
        4.9375,
        69.6562,
        134.375,
        5.14062,
        69.8594,
        134.578,
        5.34375,
        70.0625,
        134.781,
        5.54688,
        70.2656,
        134.984,
        5.75,
        70.4844,
        135.203,
        5.96875,
        70.6875,
        135.406
    ],
    "ImageOrientationPatientDICOM": [
        1,
        0,
        0,
        0,
        1,
        0
    ],
    "InPlanePhaseEncodingDirectionDICOM": "ROW",
    "ConversionSoftware": "dcm2niix",
    "ConversionSoftwareVersion": "v1.0.20230411",
    "Dcm2bidsVersion": "3.1.1"
}