{
    "Modality": "MR",
    "MagneticFieldStrength": 3,
    "ImagingFrequency": 123.186444,
    "Manufacturer": "Siemens",
    "ManufacturersModelName": "Skyra",
    "DeviceSerialNumber": "45369",
    "BodyPartExamined": "BRAIN",
    "PatientPosition": "HFS",
    "SoftwareVersions": "syngo MR D13",
    "MRAcquisitionType": "2D",
    "SeriesDescription": "TRA T2 TSE STEALTH",
    "ProtocolName": "TRA T2 TSE STEALTH",
    "ScanningSequence": "SE",
    "SequenceVariant": "SK\\SP\\OSP",
    "SequenceName": "*tse2d1_12",
    "ImageType": [
        "ORIGINAL",
        "PRIMARY",
        "M",
        "ND",
        "NORM"
    ],
    "NonlinearGradientCorrection": false,
    "SeriesNumber": 52,
    "AcquisitionTime": "09:23:36.425000",
    "AcquisitionNumber": 1,
    "SliceThickness": 2,
    "SpacingBetweenSlices": 2,
    "SAR": 0.677748,
    "NumberOfAverages": 2,
    "EchoTime": 0.095,
    "RepetitionTime": 7.46,
    "SpoilingState": true,
    "FlipAngle": 147,
    "PartialFourier": 0.046875,
    "PercentPhaseFOV": 100,
    "PercentSampling": 100,
    "EchoTrainLength": 12,
    "PhaseEncodingSteps": 264,
    "AcquisitionMatrixPE": 256,
    "ReconMatrixPE": 256,
    "PixelBandwidth": 130,
    "PhaseEncodingAxis": "j",
    "SliceTiming": [
        131.578,
        0,
        131.758,
        0.17969,
        131.93,
        0.35156,
        132.102,
        0.52344,
        132.273,
        0.69531,
        132.445,
        0.86719,
        132.625,
        1.04688,
        132.797,
        1.21875,
        132.969,
        1.39062,
        133.141,
        1.5625,
        133.312,
        1.73438,
        133.492,
        1.91406,
        133.664,
        2.08594,
        133.836,
        2.25781,
        134.008,
        2.42969,
        134.188,
        2.60156,
        134.359,
        2.78125,
        134.531,
        2.95312,
        134.703,
        3.125,
        134.875,
        3.29688,
        135.055,
        3.46875,
        135.227,
        3.64844,
        135.398,
        3.82031,
        135.57,
        3.99219,
        135.75,
        4.16406,
        135.922,
        4.33594,
        136.094,
        4.51562,
        136.266,
        4.6875,
        136.438,
        4.85938,
        136.617,
        5.03125,
        136.789,
        5.20312,
        136.961,
        5.38281,
        137.133,
        5.55469,
        137.305,
        5.72656,
        137.484,
        5.89844,
        137.656,
        6.07031,
        137.828,
        6.25,
        138,
        6.42188,
        138.172,
        6.59375,
        138.352,
        6.76562,
        138.523,
        6.9375,
        138.695,
        7.11719,
        138.867,
        7.28906
    ],
    "ImageOrientationPatientDICOM": [
        1,
        0,
        0,
        0,
        1,
        0
    ],
    "InPlanePhaseEncodingDirectionDICOM": "COL",
    "ConversionSoftware": "dcm2niix",
    "ConversionSoftwareVersion": "v1.0.20230411",
    "Dcm2bidsVersion": "3.1.1"
}