{"Modality":"MR","MagneticFieldStrength":3,"ImagingFrequency":123.225454,"Manufacturer":"Siemens","ManufacturersModelName":"TrioTim","DeviceSerialNumber":"35064","BodyPartExamined":"HEAD","PatientPosition":"HFS","SoftwareVersions":"syngo MR B17","MRAcquisitionType":"2D","SeriesDescription":"RESTING STATE fMRI","ProtocolName":"RESTING STATE fMRI","ScanningSequence":"EP","SequenceVariant":"SK\\OSP","ScanOptions":"FS","SequenceName":"*epfid2d1_64","ImageType":["ORIGINAL","PRIMARY","M","ND","NORM","MOSAIC"],"NonlinearGradientCorrection":false,"SeriesNumber":34,"AcquisitionTime":"14:44:17.112500","AcquisitionNumber":1,"SliceThickness":4,"SpacingBetweenSlices":4,"SAR":0.167268,"EchoTime":0.027,"RepetitionTime":2.7231,"FlipAngle":90,"PercentPhaseFOV":100,"PercentSampling":100,"PhaseEncodingSteps":70,"AcquisitionMatrixPE":64,"ReconMatrixPE":64,"PixelBandwidth":1905,"PhaseEncodingAxis":"j","ImageOrientationPatientDICOM":[1,0,0,0,1,0],"InPlanePhaseEncodingDirectionDICOM":"COL","ConversionSoftware":"dcm2niix","ConversionSoftwareVersion":"v1.0.20230411","Dcm2bidsVersion":"3.1.1","TaskName":"rest"}