{
    "Modality": "MR",
    "MagneticFieldStrength": 3,
    "ImagingFrequency": 123.186375,
    "Manufacturer": "Siemens",
    "ManufacturersModelName": "Skyra",
    "DeviceSerialNumber": "45369",
    "BodyPartExamined": "NEURO",
    "PatientPosition": "HFS",
    "SoftwareVersions": "syngo MR D13",
    "MRAcquisitionType": "3D",
    "SeriesDescription": "SAG T1 MPRAGE",
    "ProtocolName": "SAG T1 MPRAGE",
    "ScanningSequence": "GR\\IR",
    "SequenceVariant": "SK\\SP\\MP\\OSP",
    "ScanOptions": "IR",
    "SequenceName": "*tfl3d1_16",
    "ImageType": [
        "ORIGINAL",
        "PRIMARY",
        "M",
        "ND",
        "NORM"
    ],
    "NonlinearGradientCorrection": false,
    "SeriesNumber": 5,
    "AcquisitionTime": "14:08:1.055000",
    "AcquisitionNumber": 1,
    "SliceThickness": 1,
    "SAR": 0.0756148,
    "EchoTime": 0.00239,
    "RepetitionTime": 1.7,
    "SpoilingState": true,
    "InversionTime": 0.9,
    "FlipAngle": 9,
    "PercentPhaseFOV": 100,
    "PercentSampling": 70,
    "PhaseEncodingSteps": 242,
    "AcquisitionMatrixPE": 202,
    "ReconMatrixPE": 288,
    "PixelBandwidth": 220,
    "ImageOrientationPatientDICOM": [
        -0.0887724,
        0.992074,
        -0.088932,
        -0.0451253,
        -0.0931985,
        -0.994624
    ],
    "InPlanePhaseEncodingDirectionDICOM": "ROW",
    "BidsGuess": [
        "anat",
        "_acq-tfl3_run-5_T1w"
    ],
    "ConversionSoftware": "dcm2niix",
    "ConversionSoftwareVersion": "v1.0.20240202",
    "Dcm2bidsVersion": "3.1.1"
}