{
    "Modality": "MR",
    "MagneticFieldStrength": 3,
    "ImagingFrequency": 123.186461,
    "Manufacturer": "Siemens",
    "ManufacturersModelName": "Skyra",
    "DeviceSerialNumber": "45369",
    "BodyPartExamined": "NEURO",
    "PatientPosition": "HFS",
    "SoftwareVersions": "syngo MR D13",
    "MRAcquisitionType": "2D",
    "SeriesDescription": "TRA FLAIR BLADE",
    "ProtocolName": "TRA FLAIR BLADE",
    "ScanningSequence": "SE\\IR",
    "SequenceVariant": "SK\\SP\\MP",
    "ScanOptions": "IR\\FS",
    "SequenceName": "*tirB2d1_19",
    "ImageType": [
        "ORIGINAL",
        "PRIMARY",
        "M",
        "ND",
        "NORM"
    ],
    "NonlinearGradientCorrection": false,
    "SeriesNumber": 32,
    "AcquisitionTime": "14:58:34.130000",
    "AcquisitionNumber": 1,
    "SliceThickness": 5,
    "SpacingBetweenSlices": 6,
    "SAR": 0.344349,
    "EchoTime": 0.09,
    "RepetitionTime": 8,
    "SpoilingState": true,
    "InversionTime": 2.5,
    "FlipAngle": 150,
    "PartialFourier": 0.059375,
    "PercentPhaseFOV": 100,
    "PercentSampling": 100,
    "EchoTrainLength": 19,
    "PhaseEncodingSteps": 320,
    "AcquisitionMatrixPE": 320,
    "ReconMatrixPE": 320,
    "PixelBandwidth": 275,
    "PhaseEncodingAxis": "i",
    "SliceTiming": [
        95.1094,
        0,
        0.23438,
        0.67188,
        1.5625,
        1.79688,
        97.7969,
        2.01562
    ],
    "ImageOrientationPatientDICOM": [
        0.997025,
        0.0538752,
        -0.0551179,
        -0.0586443,
        0.994311,
        -0.088922
    ],
    "InPlanePhaseEncodingDirectionDICOM": "ROW",
    "ConversionSoftware": "dcm2niix",
    "ConversionSoftwareVersion": "v1.0.20240202",
    "Dcm2bidsVersion": "3.1.1"
}