{"Modality":"MR","MagneticFieldStrength":3,"ImagingFrequency":123.225307,"Manufacturer":"Siemens","ManufacturersModelName":"TrioTim","InstitutionName":"Barnes-Jewish Hosp smra","InstitutionAddress":"South Euclid Street 499,St Louis ,District,US,63110","DeviceSerialNumber":"35064","StationName":"smra","PatientPosition":"HFS","ProcedureStepDescription":"70552 MRI Brain with contrast","SoftwareVersions":"syngo MR B15","MRAcquisitionType":"2D","SeriesDescription":"TRA fMRI MOTOR","ProtocolName":"TRA fMRI MOTOR","ScanningSequence":"EP","SequenceVariant":"SK","ScanOptions":"FS","SequenceName":"*epfid2d1_64","ImageType":["ORIGINAL","PRIMARY","M","ND","NORM","MOSAIC"],"NonlinearGradientCorrection":false,"SeriesNumber":14,"AcquisitionTime":"10:42:6.890000","AcquisitionNumber":1,"ImageComments":"HEAD FUNCTIONAL JB","SliceThickness":4,"SpacingBetweenSlices":4,"SAR":0.217024,"EchoTime":0.027,"RepetitionTime":2.6,"FlipAngle":90,"PartialFourier":1,"BaseResolution":64,"ShimSetting":[1485,-25549,-5997,110,4,-432,156,-25],"TxRefAmp":455.523,"PhaseResolution":1,"ReceiveCoilName":"HeadMatrix","CoilString":"t:HEA;HEP","PulseSequenceDetails":"%SiemensSeq%\\ep2d_pace","CoilCombinationMethod":"Sum of Squares","MatrixCoilMode":"SENSE","PercentPhaseFOV":100,"PercentSampling":100,"PhaseEncodingSteps":64,"AcquisitionMatrixPE":64,"ReconMatrixPE":64,"BandwidthPerPixelPhaseEncode":22.645,"EffectiveEchoSpacing":0.000689998,"DerivedVendorReportedEchoSpacing":0.000689998,"TotalReadoutTime":0.0434699,"PixelBandwidth":1595,"DwellTime":4.9E-6,"PhaseEncodingDirection":"j-","SliceTiming":[1.295,0,1.3675,0.0725,1.44,0.145,1.51,0.215,1.5825,0.2875,1.655,0.36,1.7275,0.4325,1.7975,0.5025,1.87,0.575,1.9425,0.6475,2.015,0.72,2.085,0.7925,2.1575,0.8625,2.23,0.935,2.3025,1.0075,2.375,1.08,2.445,1.15,2.5175,1.2225],"ImageOrientationPatientDICOM":[1,0,0,0,1,0],"ImageOrientationText":"Tra","InPlanePhaseEncodingDirectionDICOM":"COL","ConversionSoftware":"dcm2niix","ConversionSoftwareVersion":"v1.0.20230411","Dcm2bidsVersion":"3.1.1","TaskName":"motor"}