{
    "Modality": "MR",
    "MagneticFieldStrength": 3,
    "ImagingFrequency": 123.186568,
    "Manufacturer": "Siemens",
    "ManufacturersModelName": "Skyra",
    "DeviceSerialNumber": "45369",
    "BodyPartExamined": "BRAIN",
    "PatientPosition": "HFS",
    "SoftwareVersions": "syngo MR D13",
    "MRAcquisitionType": "2D",
    "SeriesDescription": "TRA T2 TSE STEALTH",
    "ProtocolName": "TRA T2 TSE STEALTH",
    "ScanningSequence": "SE",
    "SequenceVariant": "SK\\SP\\OSP",
    "SequenceName": "*tse2d1_12",
    "ImageType": [
        "ORIGINAL",
        "PRIMARY",
        "M",
        "ND",
        "NORM"
    ],
    "NonlinearGradientCorrection": false,
    "SeriesNumber": 52,
    "AcquisitionTime": "10:11:33.442500",
    "AcquisitionNumber": 1,
    "SliceThickness": 2,
    "SpacingBetweenSlices": 2,
    "SAR": 0.715251,
    "NumberOfAverages": 2,
    "EchoTime": 0.095,
    "RepetitionTime": 8.33,
    "SpoilingState": true,
    "FlipAngle": 180,
    "PartialFourier": 0.046875,
    "PercentPhaseFOV": 100,
    "PercentSampling": 100,
    "EchoTrainLength": 12,
    "PhaseEncodingSteps": 264,
    "AcquisitionMatrixPE": 256,
    "ReconMatrixPE": 256,
    "PixelBandwidth": 130,
    "PhaseEncodingAxis": "i",
    "SliceTiming": [
        151.594,
        0,
        151.766,
        0.17188,
        151.938,
        0.34375,
        152.109,
        0.52344,
        152.281,
        0.69531,
        152.461,
        0.86719,
        152.633,
        1.03906,
        152.805,
        1.21094,
        152.977,
        1.39062,
        153.148,
        1.5625,
        153.328,
        1.73438,
        153.5,
        1.90625,
        153.672,
        2.08594,
        153.844,
        2.25781,
        154.016,
        2.42969,
        154.195,
        2.60156,
        154.367,
        2.77344,
        154.539,
        2.95312,
        154.711,
        3.125,
        154.883,
        3.29688,
        155.062,
        3.46875,
        155.234,
        3.64062,
        155.406,
        3.82031,
        155.578,
        3.99219,
        155.758,
        4.16406,
        155.93,
        4.33594,
        156.102,
        4.50781,
        156.273,
        4.6875,
        156.445,
        4.85938,
        156.625,
        5.03125,
        156.797,
        5.20312,
        156.969,
        5.375,
        157.141,
        5.55469,
        157.312,
        5.72656,
        157.492,
        5.89844,
        157.664,
        6.07031,
        157.836,
        6.24219,
        158.008,
        6.42188,
        158.18,
        6.59375,
        158.359,
        6.76562,
        158.531,
        6.9375,
        158.703,
        7.11719,
        158.875,
        7.28906,
        159.055,
        7.46094,
        159.227,
        7.63281,
        159.398,
        7.80469,
        159.57,
        7.98438,
        159.742,
        8.15625
    ],
    "ImageOrientationPatientDICOM": [
        1,
        -2.05103e-10,
        0,
        2.05103e-10,
        1,
        0
    ],
    "InPlanePhaseEncodingDirectionDICOM": "ROW",
    "ConversionSoftware": "dcm2niix",
    "ConversionSoftwareVersion": "v1.0.20230411",
    "Dcm2bidsVersion": "3.1.1"
}