{
    "Modality": "MR",
    "MagneticFieldStrength": 3,
    "ImagingFrequency": 123.186528,
    "Manufacturer": "Siemens",
    "ManufacturersModelName": "Skyra",
    "DeviceSerialNumber": "45369",
    "BodyPartExamined": "BRAIN",
    "PatientPosition": "HFS",
    "SoftwareVersions": "syngo MR D13",
    "MRAcquisitionType": "2D",
    "SeriesDescription": "TRA T2 TSE STEALTH",
    "ProtocolName": "TRA T2 TSE STEALTH",
    "ScanningSequence": "SE",
    "SequenceVariant": "SK\\SP\\OSP",
    "SequenceName": "*tse2d1_12",
    "ImageType": [
        "ORIGINAL",
        "PRIMARY",
        "M",
        "ND",
        "NORM"
    ],
    "NonlinearGradientCorrection": false,
    "SeriesNumber": 51,
    "AcquisitionTime": "14:11:28.775000",
    "AcquisitionNumber": 1,
    "SliceThickness": 2,
    "SpacingBetweenSlices": 2,
    "SAR": 0.784273,
    "NumberOfAverages": 2,
    "EchoTime": 0.095,
    "RepetitionTime": 8.51,
    "SpoilingState": true,
    "FlipAngle": 180,
    "PartialFourier": 0.046875,
    "PercentPhaseFOV": 100,
    "PercentSampling": 100,
    "EchoTrainLength": 12,
    "PhaseEncodingSteps": 264,
    "AcquisitionMatrixPE": 256,
    "ReconMatrixPE": 256,
    "PixelBandwidth": 130,
    "PhaseEncodingAxis": "j",
    "SliceTiming": [
        155.734,
        0,
        155.922,
        0.1875,
        156.109,
        0.375,
        156.297,
        0.5625,
        156.484,
        0.75,
        156.672,
        0.95312,
        156.859,
        1.14062,
        157.047,
        1.32812,
        157.234,
        1.51562,
        157.438,
        1.70312,
        157.625,
        1.89062,
        157.812,
        2.07812,
        158,
        2.26562,
        158.188,
        2.45312,
        158.375,
        2.64062,
        158.562,
        2.82812,
        158.75,
        3.03125,
        158.938,
        3.21875,
        159.141,
        3.40625,
        159.328,
        3.59375,
        159.516,
        3.78125,
        159.703,
        3.96875,
        159.891,
        4.15625,
        120.078,
        4.34375,
        120.266,
        4.53125,
        120.453,
        4.71875,
        120.641,
        4.92188,
        120.828,
        5.10938,
        121.016,
        5.29688,
        121.219,
        5.48438,
        121.406,
        5.67188,
        121.594,
        5.85938,
        121.781,
        6.04688,
        121.969,
        6.23438,
        122.156,
        6.42188,
        122.344,
        6.625,
        122.531,
        6.8125,
        122.719,
        7,
        122.922,
        7.1875,
        123.109,
        7.375,
        123.297,
        7.5625,
        123.484,
        7.75,
        123.672,
        7.9375,
        123.859,
        8.125,
        124.047,
        8.32812
    ],
    "ImageOrientationPatientDICOM": [
        1,
        0,
        0,
        0,
        1,
        0
    ],
    "InPlanePhaseEncodingDirectionDICOM": "COL",
    "ConversionSoftware": "dcm2niix",
    "ConversionSoftwareVersion": "v1.0.20230411",
    "Dcm2bidsVersion": "3.1.1"
}