{
    "Modality": "MR",
    "MagneticFieldStrength": 3,
    "ImagingFrequency": 123.186443,
    "Manufacturer": "Siemens",
    "ManufacturersModelName": "Skyra",
    "DeviceSerialNumber": "45369",
    "BodyPartExamined": "BRAIN",
    "PatientPosition": "HFS",
    "SoftwareVersions": "syngo MR D13",
    "MRAcquisitionType": "2D",
    "SeriesDescription": "TRA T2 TSE STEALTH",
    "ProtocolName": "TRA T2 TSE STEALTH",
    "ScanningSequence": "SE",
    "SequenceVariant": "SK\\SP\\OSP",
    "SequenceName": "*tse2d1_12",
    "ImageType": [
        "ORIGINAL",
        "PRIMARY",
        "M",
        "ND",
        "NORM"
    ],
    "NonlinearGradientCorrection": false,
    "SeriesNumber": 57,
    "AcquisitionTime": "09:50:11.262500",
    "AcquisitionNumber": 1,
    "SliceThickness": 2,
    "SpacingBetweenSlices": 2,
    "SAR": 0.569174,
    "NumberOfAverages": 2,
    "EchoTime": 0.095,
    "RepetitionTime": 8.15,
    "SpoilingState": true,
    "FlipAngle": 157,
    "PartialFourier": 0.046875,
    "PercentPhaseFOV": 100,
    "PercentSampling": 100,
    "EchoTrainLength": 12,
    "PhaseEncodingSteps": 264,
    "AcquisitionMatrixPE": 256,
    "ReconMatrixPE": 256,
    "PixelBandwidth": 130,
    "PhaseEncodingAxis": "i",
    "SliceTiming": [
        147.453,
        0,
        147.625,
        0.17188,
        147.797,
        0.34375,
        147.969,
        0.52344,
        148.148,
        0.69531,
        148.32,
        0.86719,
        148.492,
        1.03906,
        148.664,
        1.21875,
        148.836,
        1.39062,
        149.016,
        1.5625,
        149.188,
        1.73438,
        149.359,
        1.90625,
        149.531,
        2.08594,
        149.703,
        2.25781,
        149.875,
        2.42969,
        150.055,
        2.60156,
        150.227,
        2.77344,
        150.398,
        2.94531,
        150.57,
        3.125,
        150.742,
        3.29688,
        150.922,
        3.46875,
        151.094,
        3.64062,
        151.266,
        3.8125,
        151.438,
        3.99219,
        151.609,
        4.16406,
        151.781,
        4.33594,
        151.961,
        4.50781,
        152.133,
        4.67969,
        152.305,
        4.85156,
        152.477,
        5.03125,
        152.656,
        5.20312,
        152.828,
        5.375,
        153,
        5.54688,
        153.172,
        5.71875,
        153.344,
        5.89844,
        153.523,
        6.07031,
        153.695,
        6.24219,
        153.867,
        6.41406,
        154.039,
        6.59375,
        154.211,
        6.76562,
        154.391,
        6.9375,
        154.562,
        7.10938,
        154.734,
        7.28125,
        154.906,
        7.46094,
        155.078,
        7.63281,
        155.258,
        7.80469,
        155.43,
        7.97656
    ],
    "ImageOrientationPatientDICOM": [
        1,
        -2.05103e-10,
        0,
        2.05103e-10,
        1,
        0
    ],
    "InPlanePhaseEncodingDirectionDICOM": "ROW",
    "ConversionSoftware": "dcm2niix",
    "ConversionSoftwareVersion": "v1.0.20230411",
    "Dcm2bidsVersion": "3.1.1"
}