{"Modality":"MR","MagneticFieldStrength":3,"ImagingFrequency":123.186522,"Manufacturer":"Siemens","ManufacturersModelName":"Skyra","DeviceSerialNumber":"45369","BodyPartExamined":"BRAIN","PatientPosition":"HFS","SoftwareVersions":"syngo MR D13","MRAcquisitionType":"2D","SeriesDescription":"TRA fMRI RESTING STATE 1","ProtocolName":"TRA fMRI RESTING STATE 1","ScanningSequence":"EP","SequenceVariant":"SK","ScanOptions":"FS","SequenceName":"*epfid2d1_94","ImageType":["ORIGINAL","PRIMARY","FMRI","NONE","ND","MOSAIC"],"NonlinearGradientCorrection":false,"SeriesNumber":21,"AcquisitionTime":"12:53:55.577500","AcquisitionNumber":1,"SliceThickness":4,"SpacingBetweenSlices":4,"SAR":0.165798,"EchoTime":0.027,"RepetitionTime":2.5,"FlipAngle":90,"PartialFourier":0.5,"PercentPhaseFOV":100,"PercentSampling":100,"EchoTrainLength":47,"PhaseEncodingSteps":94,"AcquisitionMatrixPE":94,"ReconMatrixPE":94,"PixelBandwidth":1775,"PhaseEncodingAxis":"j","ImageOrientationPatientDICOM":[1,0,0,0,1,0],"InPlanePhaseEncodingDirectionDICOM":"COL","ConversionSoftware":"dcm2niix","ConversionSoftwareVersion":"v1.0.20230411","Dcm2bidsVersion":"3.1.1","TaskName":"rest"}