{
    "Modality": "MR",
    "MagneticFieldStrength": 3,
    "ImagingFrequency": 123.186505,
    "Manufacturer": "Siemens",
    "ManufacturersModelName": "Skyra",
    "DeviceSerialNumber": "45369",
    "BodyPartExamined": "BRAIN",
    "PatientPosition": "HFS",
    "SoftwareVersions": "syngo MR D13",
    "MRAcquisitionType": "2D",
    "SeriesDescription": "TRA T2 TSE STEALTH",
    "ProtocolName": "TRA T2 TSE STEALTH",
    "ScanningSequence": "SE",
    "SequenceVariant": "SK\\SP\\OSP",
    "SequenceName": "*tse2d1_12",
    "ImageType": [
        "ORIGINAL",
        "PRIMARY",
        "M",
        "ND",
        "NORM"
    ],
    "NonlinearGradientCorrection": false,
    "SeriesNumber": 37,
    "AcquisitionTime": "11:35:36.320000",
    "AcquisitionNumber": 1,
    "SliceThickness": 2,
    "SpacingBetweenSlices": 2,
    "SAR": 0.618162,
    "NumberOfAverages": 2,
    "EchoTime": 0.095,
    "RepetitionTime": 7.46,
    "SpoilingState": true,
    "FlipAngle": 180,
    "PartialFourier": 0.046875,
    "PercentPhaseFOV": 100,
    "PercentSampling": 100,
    "EchoTrainLength": 12,
    "PhaseEncodingSteps": 264,
    "AcquisitionMatrixPE": 256,
    "ReconMatrixPE": 256,
    "PixelBandwidth": 130,
    "PhaseEncodingAxis": "j",
    "SliceTiming": [
        0,
        131.578,
        0.23438,
        131.82,
        0.46094,
        132.062,
        0.69531,
        132.297,
        0.92969,
        132.539,
        1.16406,
        132.781,
        1.39844,
        133.023,
        1.63281,
        133.266,
        1.86719,
        133.508,
        2.09375,
        133.742,
        2.32812,
        133.984,
        2.5625,
        134.227,
        2.79688,
        134.469,
        3.03125,
        134.711,
        3.26562,
        134.945,
        3.49219,
        135.188,
        3.72656,
        135.43,
        3.96094,
        135.672,
        4.19531,
        135.906,
        4.42969,
        136.148,
        4.66406,
        136.391,
        4.89844,
        136.633,
        5.125,
        136.875,
        5.35938,
        137.117,
        5.59375,
        137.352,
        5.82812,
        137.594,
        6.0625,
        137.836,
        6.28906,
        138.078,
        6.52344,
        138.32,
        6.75781,
        138.555,
        6.99219,
        138.797,
        7.22656
    ],
    "ImageOrientationPatientDICOM": [
        1,
        0,
        0,
        0,
        1,
        0
    ],
    "InPlanePhaseEncodingDirectionDICOM": "COL",
    "ConversionSoftware": "dcm2niix",
    "ConversionSoftwareVersion": "v1.0.20230411",
    "Dcm2bidsVersion": "3.1.1"
}