{
    "Modality": "MR",
    "MagneticFieldStrength": 3,
    "ImagingFrequency": 123.186611,
    "Manufacturer": "Siemens",
    "ManufacturersModelName": "Skyra",
    "DeviceSerialNumber": "45369",
    "BodyPartExamined": "BRAIN",
    "PatientPosition": "HFS",
    "SoftwareVersions": "syngo MR D13",
    "MRAcquisitionType": "2D",
    "SeriesDescription": "TRA T2 TSE STEALTH",
    "ProtocolName": "TRA T2 TSE STEALTH",
    "ScanningSequence": "SE",
    "SequenceVariant": "SK\\SP\\OSP",
    "SequenceName": "*tse2d1_12",
    "ImageType": [
        "ORIGINAL",
        "PRIMARY",
        "M",
        "ND",
        "NORM"
    ],
    "NonlinearGradientCorrection": false,
    "SeriesNumber": 63,
    "AcquisitionTime": "13:04:32.810000",
    "AcquisitionNumber": 1,
    "SliceThickness": 2,
    "SpacingBetweenSlices": 2,
    "SAR": 0.64478,
    "NumberOfAverages": 2,
    "EchoTime": 0.095,
    "RepetitionTime": 7.63,
    "SpoilingState": true,
    "FlipAngle": 164,
    "PartialFourier": 0.046875,
    "PercentPhaseFOV": 100,
    "PercentSampling": 100,
    "EchoTrainLength": 12,
    "PhaseEncodingSteps": 264,
    "AcquisitionMatrixPE": 256,
    "ReconMatrixPE": 256,
    "PixelBandwidth": 130,
    "PhaseEncodingAxis": "j",
    "SliceTiming": [
        135.492,
        0,
        135.664,
        0.17188,
        135.836,
        0.34375,
        136.008,
        0.52344,
        136.18,
        0.69531,
        136.352,
        0.86719,
        136.531,
        1.03906,
        136.703,
        1.21094,
        136.875,
        1.38281,
        137.047,
        1.5625,
        137.219,
        1.73438,
        137.398,
        1.90625,
        137.57,
        2.07812,
        137.742,
        2.25,
        137.914,
        2.42969,
        138.086,
        2.60156,
        138.266,
        2.77344,
        138.438,
        2.94531,
        138.609,
        3.11719,
        138.781,
        3.28906,
        138.961,
        3.46875,
        139.133,
        3.64062,
        139.305,
        3.8125,
        139.477,
        3.98438,
        139.648,
        4.15625,
        139.828,
        4.33594,
        140,
        4.50781,
        140.172,
        4.67969,
        140.344,
        4.85156,
        140.516,
        5.02344,
        140.688,
        5.20312,
        140.867,
        5.375,
        141.039,
        5.54688,
        141.211,
        5.71875,
        141.383,
        5.89844,
        141.555,
        6.07031,
        141.727,
        6.24219,
        141.906,
        6.41406,
        142.078,
        6.58594,
        142.25,
        6.76562,
        142.422,
        6.9375,
        142.594,
        7.10938,
        142.773,
        7.28125,
        142.945,
        7.45312
    ],
    "ImageOrientationPatientDICOM": [
        1,
        0,
        0,
        0,
        1,
        0
    ],
    "InPlanePhaseEncodingDirectionDICOM": "COL",
    "ConversionSoftware": "dcm2niix",
    "ConversionSoftwareVersion": "v1.0.20230411",
    "Dcm2bidsVersion": "3.1.1"
}