{
    "Modality": "MR",
    "MagneticFieldStrength": 3,
    "ImagingFrequency": 123.186404,
    "Manufacturer": "Siemens",
    "ManufacturersModelName": "Skyra",
    "DeviceSerialNumber": "45369",
    "BodyPartExamined": "BRAIN",
    "PatientPosition": "HFS",
    "SoftwareVersions": "syngo MR D13",
    "MRAcquisitionType": "2D",
    "SeriesDescription": "TRA T2 TSE STEALTH",
    "ProtocolName": "TRA T2 TSE STEALTH",
    "ScanningSequence": "SE",
    "SequenceVariant": "SK\\SP\\OSP",
    "SequenceName": "*tse2d1_12",
    "ImageType": [
        "ORIGINAL",
        "PRIMARY",
        "M",
        "ND",
        "NORM"
    ],
    "NonlinearGradientCorrection": false,
    "SeriesNumber": 54,
    "AcquisitionTime": "14:12:13.140000",
    "AcquisitionNumber": 1,
    "SliceThickness": 2,
    "SpacingBetweenSlices": 2,
    "SAR": 0.628821,
    "NumberOfAverages": 2,
    "EchoTime": 0.101,
    "RepetitionTime": 8.95,
    "SpoilingState": true,
    "FlipAngle": 176,
    "PartialFourier": 0.046875,
    "PercentPhaseFOV": 100,
    "PercentSampling": 100,
    "EchoTrainLength": 12,
    "PhaseEncodingSteps": 264,
    "AcquisitionMatrixPE": 256,
    "ReconMatrixPE": 256,
    "PixelBandwidth": 130,
    "PhaseEncodingAxis": "i",
    "SliceTiming": [
        125.844,
        0,
        126.031,
        0.17188,
        126.203,
        0.35938,
        126.391,
        0.54688,
        126.578,
        0.71875,
        126.766,
        0.90625,
        126.938,
        1.09375,
        127.125,
        1.26562,
        127.312,
        1.45312,
        127.484,
        1.64062,
        127.672,
        1.82812,
        127.859,
        2,
        128.031,
        2.1875,
        128.219,
        2.375,
        128.406,
        2.54688,
        128.578,
        2.73438,
        128.766,
        2.92188,
        128.953,
        3.09375,
        129.125,
        3.28125,
        129.312,
        3.46875,
        129.5,
        3.64062,
        129.688,
        3.82812,
        129.859,
        4.01562,
        130.047,
        4.20312,
        130.234,
        4.375,
        130.406,
        4.5625,
        130.594,
        4.75,
        130.781,
        4.92188,
        130.953,
        5.10938,
        131.141,
        5.29688,
        131.328,
        5.46875,
        131.5,
        5.65625,
        131.688,
        5.84375,
        131.875,
        6.01562,
        132.047,
        6.20312,
        132.234,
        6.39062,
        132.422,
        6.57812,
        132.609,
        6.75,
        132.781,
        6.9375,
        132.969,
        7.125,
        133.156,
        7.29688,
        133.328,
        7.48438,
        133.516,
        7.67188,
        133.703,
        7.84375,
        133.875,
        8.03125,
        134.062,
        8.21875,
        134.25,
        8.39062,
        134.422,
        8.57812,
        134.609,
        8.76562
    ],
    "ImageOrientationPatientDICOM": [
        1,
        -2.05103e-10,
        0,
        2.05103e-10,
        1,
        0
    ],
    "InPlanePhaseEncodingDirectionDICOM": "ROW",
    "ConversionSoftware": "dcm2niix",
    "ConversionSoftwareVersion": "v1.0.20230411",
    "Dcm2bidsVersion": "3.1.1"
}