{
    "Modality": "MR",
    "MagneticFieldStrength": 3,
    "ImagingFrequency": 123.18643,
    "Manufacturer": "Siemens",
    "ManufacturersModelName": "Skyra",
    "DeviceSerialNumber": "45369",
    "BodyPartExamined": "BRAIN",
    "PatientPosition": "HFS",
    "SoftwareVersions": "syngo MR D13",
    "MRAcquisitionType": "2D",
    "SeriesDescription": "TRA T2 TSE STEALTH",
    "ProtocolName": "TRA T2 TSE STEALTH",
    "ScanningSequence": "SE",
    "SequenceVariant": "SK\\SP\\OSP",
    "SequenceName": "*tse2d1_12",
    "ImageType": [
        "ORIGINAL",
        "PRIMARY",
        "M",
        "ND",
        "NORM"
    ],
    "NonlinearGradientCorrection": false,
    "SeriesNumber": 44,
    "AcquisitionTime": "13:34:19.885000",
    "AcquisitionNumber": 1,
    "SliceThickness": 2,
    "SpacingBetweenSlices": 2,
    "SAR": 0.559515,
    "NumberOfAverages": 2,
    "EchoTime": 0.095,
    "RepetitionTime": 7.57,
    "SpoilingState": true,
    "FlipAngle": 180,
    "PartialFourier": 0.046875,
    "PercentPhaseFOV": 100,
    "PercentSampling": 100,
    "EchoTrainLength": 12,
    "PhaseEncodingSteps": 264,
    "AcquisitionMatrixPE": 256,
    "ReconMatrixPE": 256,
    "PixelBandwidth": 130,
    "PhaseEncodingAxis": "j",
    "SliceTiming": [
        134.109,
        0,
        134.297,
        0.1875,
        134.484,
        0.375,
        134.672,
        0.5625,
        134.859,
        0.75,
        135.047,
        0.9375,
        135.234,
        1.125,
        135.422,
        1.3125,
        135.625,
        1.51562,
        135.812,
        1.70312,
        136,
        1.89062,
        136.188,
        2.07812,
        136.375,
        2.26562,
        136.562,
        2.45312,
        136.75,
        2.64062,
        136.938,
        2.82812,
        137.141,
        3.03125,
        137.328,
        3.21875,
        137.516,
        3.40625,
        137.703,
        3.59375,
        137.891,
        3.78125,
        138.078,
        3.96875,
        138.266,
        4.15625,
        138.453,
        4.34375,
        138.641,
        4.53125,
        138.844,
        4.71875,
        139.031,
        4.92188,
        139.219,
        5.10938,
        139.406,
        5.29688,
        139.594,
        5.48438,
        139.781,
        5.67188,
        139.969,
        5.85938,
        140.156,
        6.04688,
        140.344,
        6.23438,
        140.531,
        6.42188,
        140.734,
        6.625,
        140.922,
        6.8125,
        141.109,
        7,
        141.297,
        7.1875,
        141.484,
        7.375
    ],
    "ImageOrientationPatientDICOM": [
        1,
        0,
        0,
        0,
        1,
        0
    ],
    "InPlanePhaseEncodingDirectionDICOM": "COL",
    "ConversionSoftware": "dcm2niix",
    "ConversionSoftwareVersion": "v1.0.20230411",
    "Dcm2bidsVersion": "3.1.1"
}